GIT
  remote: https://github.com/AjuntamentdeBarcelona/decidim-internal-evaluation-module
  revision: 8dd33110fc2787375a634b68f05c4fd376a9f58a
  branch: main
  specs:
    decidim-internal_evaluation (0.0.2)
      decidim-core (~> 0.30.0)
      decidim-proposals (~> 0.30.0)
      decidim-templates (~> 0.30.0)
      deface (~> 1.9)

GIT
  remote: https://github.com/Platoniq/decidim-module-navigation_maps
  revision: d035196fa3e705426a830d6fc22956f20ec05d1c
  branch: main
  specs:
    decidim-navigation_maps (1.7.0)
      decidim-admin (>= 0.30, < 0.31)
      decidim-core (>= 0.30, < 0.31)

GIT
  remote: https://github.com/Platoniq/decidim-module-term_customizer
  revision: 3a792afb1edd78421b63964f3d1eea6e091f759f
  branch: main
  specs:
    decidim-term_customizer (0.30)
      decidim-admin (~> 0.30.0)
      decidim-core (~> 0.30.0)

GIT
  remote: https://github.com/Platoniq/decidim-module-vocdoni
  revision: 1a10b0d233c08594ce3bd6d40fae7f3fa94ea222
  branch: deps/decidim-0.30
  specs:
    decidim-vocdoni (4.0)
      decidim-admin (>= 0.30.0, < 0.31)
      decidim-core (>= 0.30.0, < 0.31)
      node-runner (~> 1.1)

GIT
  remote: https://github.com/decidim-ice/decidim-module-decidim_awesome
  revision: 60da172ca1ef7f278eaa2600aecdda8ac8369dcf
  branch: main
  specs:
    decidim-decidim_awesome (0.13.0)
      active_hashcash (~> 0.4.0)
      decidim-admin (>= 0.30.0, < 0.31)
      decidim-core (>= 0.30.0, < 0.31)
      deface (>= 1.5)
      sassc (~> 2.3)

PATH
  remote: decidim-census_sms
  specs:
    decidim-census_sms (0.0.3)
      decidim-core (~> 0.30.0)

PATH
  remote: decidim-dataviz
  specs:
    decidim-dataviz (0.0.3)
      decidim-core (~> 0.30.0)

PATH
  remote: decidim-stats
  specs:
    decidim-stats (0.0.3)
      decidim-comments (~> 0.30.0)
      decidim-core (~> 0.30.0)
      decidim-proposals (~> 0.30.0)

GEM
  remote: https://rubygems.org/
  specs:
    actioncable (7.0.8.7)
      actionpack (= 7.0.8.7)
      activesupport (= 7.0.8.7)
      nio4r (~> 2.0)
      websocket-driver (>= 0.6.1)
    actionmailbox (7.0.8.7)
      actionpack (= 7.0.8.7)
      activejob (= 7.0.8.7)
      activerecord (= 7.0.8.7)
      activestorage (= 7.0.8.7)
      activesupport (= 7.0.8.7)
      mail (>= 2.7.1)
      net-imap
      net-pop
      net-smtp
    actionmailer (7.0.8.7)
      actionpack (= 7.0.8.7)
      actionview (= 7.0.8.7)
      activejob (= 7.0.8.7)
      activesupport (= 7.0.8.7)
      mail (~> 2.5, >= 2.5.4)
      net-imap
      net-pop
      net-smtp
      rails-dom-testing (~> 2.0)
    actionpack (7.0.8.7)
      actionview (= 7.0.8.7)
      activesupport (= 7.0.8.7)
      rack (~> 2.0, >= 2.2.4)
      rack-test (>= 0.6.3)
      rails-dom-testing (~> 2.0)
      rails-html-sanitizer (~> 1.0, >= 1.2.0)
    actiontext (7.0.8.7)
      actionpack (= 7.0.8.7)
      activerecord (= 7.0.8.7)
      activestorage (= 7.0.8.7)
      activesupport (= 7.0.8.7)
      globalid (>= 0.6.0)
      nokogiri (>= 1.8.5)
    actionview (7.0.8.7)
      activesupport (= 7.0.8.7)
      builder (~> 3.1)
      erubi (~> 1.4)
      rails-dom-testing (~> 2.0)
      rails-html-sanitizer (~> 1.1, >= 1.2.0)
    active_hashcash (0.4.0)
      rails (>= 5.2.0)
    active_link_to (1.0.5)
      actionpack
      addressable
    activejob (7.0.8.7)
      activesupport (= 7.0.8.7)
      globalid (>= 0.3.6)
    activemodel (7.0.8.7)
      activesupport (= 7.0.8.7)
    activerecord (7.0.8.7)
      activemodel (= 7.0.8.7)
      activesupport (= 7.0.8.7)
    activestorage (7.0.8.7)
      actionpack (= 7.0.8.7)
      activejob (= 7.0.8.7)
      activerecord (= 7.0.8.7)
      activesupport (= 7.0.8.7)
      marcel (~> 1.0)
      mini_mime (>= 1.1.0)
    activesupport (7.0.8.7)
      concurrent-ruby (~> 1.0, >= 1.0.2)
      i18n (>= 1.6, < 2)
      minitest (>= 5.1)
      tzinfo (~> 2.0)
    acts_as_list (1.2.4)
      activerecord (>= 6.1)
      activesupport (>= 6.1)
    addressable (2.8.7)
      public_suffix (>= 2.0.2, < 7.0)
    airbrussh (1.5.3)
      sshkit (>= 1.6.1, != 1.7.0)
    appsignal (4.7.0)
      logger
      rack (>= 2.0.0)
    ast (2.4.3)
    aws-eventstream (1.4.0)
    aws-partitions (1.1153.0)
    aws-sdk-core (3.232.0)
      aws-eventstream (~> 1, >= 1.3.0)
      aws-partitions (~> 1, >= 1.992.0)
      aws-sigv4 (~> 1.9)
      base64
      bigdecimal
      jmespath (~> 1, >= 1.6.1)
      logger
    aws-sdk-kms (1.112.0)
      aws-sdk-core (~> 3, >= 3.231.0)
      aws-sigv4 (~> 1.5)
    aws-sdk-s3 (1.198.0)
      aws-sdk-core (~> 3, >= 3.231.0)
      aws-sdk-kms (~> 1)
      aws-sigv4 (~> 1.5)
    aws-sigv4 (1.12.1)
      aws-eventstream (~> 1, >= 1.0.2)
    barnes (0.0.9)
      multi_json (~> 1)
      statsd-ruby (~> 1.1)
    base64 (0.3.0)
    batch-loader (2.0.5)
    bcrypt (3.1.20)
    better_html (2.1.1)
      actionview (>= 6.0)
      activesupport (>= 6.0)
      ast (~> 2.0)
      erubi (~> 1.4)
      parser (>= 2.4)
      smart_properties
    bigdecimal (3.2.3)
    bindex (0.8.1)
    bootsnap (1.18.6)
      msgpack (~> 1.2)
    browser (6.2.0)
    builder (3.3.0)
    bullet (8.0.8)
      activesupport (>= 3.0.0)
      uniform_notifier (~> 1.11)
    byebug (11.1.3)
    capistrano (3.19.2)
      airbrussh (>= 1.0.0)
      i18n
      rake (>= 10.0.0)
      sshkit (>= 1.9.0)
    capistrano-bundler (2.1.1)
      capistrano (~> 3.1)
    capistrano-passenger (0.2.1)
      capistrano (~> 3.0)
    capistrano-rails (1.7.0)
      capistrano (~> 3.1)
      capistrano-bundler (>= 1.1, < 3)
    capistrano-rails-console (2.3.0)
      capistrano (>= 3.5.0, < 4.0.0)
      sshkit-interactive (~> 0.3.0)
    capistrano-rbenv (2.2.0)
      capistrano (~> 3.1)
      sshkit (~> 1.3)
    capistrano-sidekiq (3.2.0)
      capistrano (>= 3.9.0)
      capistrano-bundler
      sidekiq (>= 7.0)
    capistrano3-puma (6.2.0)
      capistrano (~> 3.7)
      capistrano-bundler
      puma (>= 5.1, < 7.0)
    capybara (3.40.0)
      addressable
      matrix
      mini_mime (>= 0.1.3)
      nokogiri (~> 1.11)
      rack (>= 1.6.0)
      rack-test (>= 0.6.3)
      regexp_parser (>= 1.5, < 3.0)
      xpath (~> 3.2)
    cells (4.1.8)
      declarative-builder (~> 0.2.0)
      declarative-option (< 0.2.0)
      tilt (>= 1.4, < 3)
      uber (< 0.2.0)
    cells-erb (0.1.0)
      cells (~> 4.0)
      erbse (>= 0.1.1)
    cells-rails (0.1.6)
      actionpack (>= 5.0)
      cells (>= 4.1.6, < 5.0.0)
    charlock_holmes (0.7.9)
    chartkick (5.1.5)
    chef-utils (18.8.11)
      concurrent-ruby
    childprocess (5.1.0)
      logger (~> 1.5)
    chronic (0.10.2)
    cmdparse (3.0.7)
    codecov (0.2.12)
      json
      simplecov
    colorize (0.8.1)
    commonmarker (0.23.11)
    concurrent-ruby (1.3.4)
    connection_pool (2.5.3)
    crack (1.0.0)
      bigdecimal
      rexml
    crass (1.0.6)
    css_parser (1.21.1)
      addressable
    csv (3.3.5)
    dalli (3.2.8)
    database_cleaner (2.1.0)
      database_cleaner-active_record (>= 2, < 3)
    database_cleaner-active_record (2.2.2)
      activerecord (>= 5.a)
      database_cleaner-core (~> 2.0)
    database_cleaner-core (2.0.1)
    date (3.4.1)
    date_validator (0.12.0)
      activemodel (>= 3)
      activesupport (>= 3)
    debug (1.11.0)
      irb (~> 1.10)
      reline (>= 0.3.8)
    decidim (0.30.1)
      decidim-accountability (= 0.30.1)
      decidim-admin (= 0.30.1)
      decidim-api (= 0.30.1)
      decidim-assemblies (= 0.30.1)
      decidim-blogs (= 0.30.1)
      decidim-budgets (= 0.30.1)
      decidim-comments (= 0.30.1)
      decidim-core (= 0.30.1)
      decidim-debates (= 0.30.1)
      decidim-forms (= 0.30.1)
      decidim-generators (= 0.30.1)
      decidim-meetings (= 0.30.1)
      decidim-pages (= 0.30.1)
      decidim-participatory_processes (= 0.30.1)
      decidim-proposals (= 0.30.1)
      decidim-sortitions (= 0.30.1)
      decidim-surveys (= 0.30.1)
      decidim-system (= 0.30.1)
      decidim-verifications (= 0.30.1)
    decidim-accountability (0.30.1)
      decidim-comments (= 0.30.1)
      decidim-core (= 0.30.1)
    decidim-admin (0.30.1)
      active_link_to (~> 1.0)
      decidim-core (= 0.30.1)
      devise (~> 4.7)
      devise-i18n (~> 1.2)
      devise_invitable (~> 2.0, >= 2.0.9)
    decidim-api (0.30.1)
      decidim-core (= 0.30.1)
      graphql (~> 2.4.0)
      graphql-docs (~> 5.0)
      rack-cors (~> 1.0)
    decidim-assemblies (0.30.1)
      decidim-core (= 0.30.1)
    decidim-blogs (0.30.1)
      decidim-admin (= 0.30.1)
      decidim-comments (= 0.30.1)
      decidim-core (= 0.30.1)
    decidim-budgets (0.30.1)
      decidim-comments (= 0.30.1)
      decidim-core (= 0.30.1)
    decidim-comments (0.30.1)
      decidim-core (= 0.30.1)
      redcarpet (~> 3.5, >= 3.5.1)
    decidim-core (0.30.1)
      active_link_to (~> 1.0)
      acts_as_list (~> 1.0)
      batch-loader (~> 2.0)
      browser (~> 6.2.0)
      cells-erb (~> 0.1.0)
      cells-rails (~> 0.1.3)
      charlock_holmes (~> 0.7)
      chartkick (~> 5.1.2)
      concurrent-ruby (= 1.3.4)
      date_validator (~> 0.12.0)
      devise (~> 4.7)
      devise-i18n (~> 1.2)
      diffy (~> 3.3)
      doorkeeper (~> 5.6, >= 5.6.6)
      doorkeeper-i18n (~> 4.0)
      file_validators (~> 3.0)
      fog-local (~> 0.6)
      geocoder (~> 1.8)
      hashdiff (>= 0.4.0, < 2.0.0)
      hexapdf (~> 1.1.0)
      image_processing (~> 1.2)
      invisible_captcha (~> 0.12)
      kaminari (~> 1.2, >= 1.2.1)
      loofah (~> 2.19, >= 2.19.1)
      mime-types (>= 1.16, < 4.0)
      mini_magick (~> 4.9)
      net-smtp (~> 0.5.0)
      nokogiri (~> 1.16, >= 1.16.2)
      omniauth (~> 2.0)
      omniauth-facebook (~> 5.0)
      omniauth-google-oauth2 (~> 1.0)
      omniauth-rails_csrf_protection (~> 1.0)
      omniauth-twitter (~> 1.4)
      paper_trail (~> 16.0)
      paranoia (~> 3.0.0)
      pg (~> 1.5.0, < 2)
      pg_search (~> 2.2)
      premailer-rails (~> 1.10)
      rack (~> 2.2, >= 2.2.8.1)
      rack-attack (~> 6.0)
      rails (~> 7.0.8)
      rails-i18n (~> 7.0)
      ransack (~> 4.2.0)
      redis (~> 4.1)
      request_store (~> 1.7.0)
      rubyXL (~> 3.4)
      rubyzip (~> 2.0)
      shakapacker (~> 7.1.0)
      valid_email2 (~> 7.0)
      web-push (~> 3.0)
      wisper (~> 3.0)
    decidim-debates (0.30.1)
      decidim-comments (= 0.30.1)
      decidim-core (= 0.30.1)
    decidim-dev (0.30.1)
      bullet (~> 8.0.0)
      byebug (~> 11.0)
      capybara (~> 3.39)
      decidim-admin (= 0.30.1)
      decidim-api (= 0.30.1)
      decidim-comments (= 0.30.1)
      decidim-core (= 0.30.1)
      decidim-generators (= 0.30.1)
      decidim-verifications (= 0.30.1)
      erb_lint (~> 0.8.0)
      factory_bot_rails (~> 6.2)
      faker (~> 3.2)
      i18n-tasks (~> 1.0)
      nokogiri (~> 1.16, >= 1.16.2)
      parallel_tests (~> 4.2)
      puma (~> 6.5)
      rails-controller-testing (~> 1.0)
      rspec (~> 3.12)
      rspec-cells (~> 0.3.7)
      rspec-html-matchers (~> 0.10)
      rspec-rails (~> 6.0)
      rspec-retry (~> 0.6.2)
      rspec_junit_formatter (~> 0.6.0)
      rubocop (~> 1.69.0)
      rubocop-capybara (~> 2.21)
      rubocop-factory_bot (~> 2.26)
      rubocop-faker (~> 1.1)
      rubocop-graphql (~> 1.5)
      rubocop-performance (~> 1.21)
      rubocop-rails (~> 2.25)
      rubocop-rspec (~> 3.0)
      rubocop-rspec_rails (~> 2.30)
      rubocop-rubycw (~> 0.1)
      selenium-webdriver (~> 4.9)
      simplecov (~> 0.22.0)
      simplecov-cobertura (~> 2.1.0)
      spring (~> 4.0)
      spring-watcher-listen (~> 2.0)
      w3c_rspec_validators (~> 0.3.0)
      webmock (~> 3.18)
      wisper-rspec (~> 1.0)
    decidim-forms (0.30.1)
      decidim-core (= 0.30.1)
    decidim-generators (0.30.1)
      decidim-core (= 0.30.1)
    decidim-initiatives (0.30.1)
      decidim-admin (= 0.30.1)
      decidim-comments (= 0.30.1)
      decidim-core (= 0.30.1)
      decidim-verifications (= 0.30.1)
    decidim-meetings (0.30.1)
      decidim-core (= 0.30.1)
      decidim-forms (= 0.30.1)
      icalendar (~> 2.5)
    decidim-pages (0.30.1)
      decidim-core (= 0.30.1)
    decidim-participatory_processes (0.30.1)
      decidim-core (= 0.30.1)
    decidim-proposals (0.30.1)
      decidim-comments (= 0.30.1)
      decidim-core (= 0.30.1)
      doc2text (~> 0.4.7)
      redcarpet (~> 3.5, >= 3.5.1)
    decidim-sortitions (0.30.1)
      decidim-admin (= 0.30.1)
      decidim-comments (= 0.30.1)
      decidim-core (= 0.30.1)
      decidim-proposals (= 0.30.1)
    decidim-surveys (0.30.1)
      decidim-core (= 0.30.1)
      decidim-forms (= 0.30.1)
    decidim-system (0.30.1)
      active_link_to (~> 1.0)
      decidim-core (= 0.30.1)
      devise (~> 4.7)
      devise-i18n (~> 1.2)
      devise_invitable (~> 2.0, >= 2.0.9)
    decidim-templates (0.30.1)
      decidim-core (= 0.30.1)
      decidim-forms (= 0.30.1)
    decidim-verifications (0.30.1)
      decidim-core (= 0.30.1)
    declarative-builder (0.2.0)
      trailblazer-option (~> 0.1.0)
    declarative-option (0.1.0)
    deface (1.9.0)
      actionview (>= 5.2)
      nokogiri (>= 1.6)
      polyglot
      railties (>= 5.2)
      rainbow (>= 2.1.0)
    devise (4.9.4)
      bcrypt (~> 3.0)
      orm_adapter (~> 0.1)
      railties (>= 4.1.0)
      responders
      warden (~> 1.2.3)
    devise-i18n (1.15.0)
      devise (>= 4.9.0)
      rails-i18n
    devise_invitable (2.0.11)
      actionmailer (>= 5.0)
      devise (>= 4.6)
    diff-lcs (1.6.2)
    diffy (3.4.4)
    doc2text (0.4.8)
      nokogiri (>= 1.18.2)
      rubyzip (~> 2.3.0)
    docile (1.4.1)
    doorkeeper (5.8.2)
      railties (>= 5)
    doorkeeper-i18n (4.0.1)
    dotenv (3.1.8)
    dotenv-rails (3.1.8)
      dotenv (= 3.1.8)
      railties (>= 6.1)
    erb (5.0.2)
    erb_lint (0.8.0)
      activesupport
      better_html (>= 2.0.1)
      parser (>= 2.7.1.4)
      rainbow
      rubocop (>= 1)
      smart_properties
    erbse (0.1.4)
      temple
    erubi (1.13.1)
    escape_utils (1.3.0)
    excon (1.3.0)
      logger
    extended-markdown-filter (0.7.0)
      html-pipeline (~> 2.9)
    factory_bot (6.5.5)
      activesupport (>= 6.1.0)
    factory_bot_rails (6.5.0)
      factory_bot (~> 6.5)
      railties (>= 6.1.0)
    faker (3.5.2)
      i18n (>= 1.8.11, < 2)
    faraday (2.13.4)
      faraday-net_http (>= 2.0, < 3.5)
      json
      logger
    faraday-net_http (3.4.1)
      net-http (>= 0.5.0)
    ffi (1.17.2-aarch64-linux-gnu)
    ffi (1.17.2-aarch64-linux-musl)
    ffi (1.17.2-arm-linux-gnu)
    ffi (1.17.2-arm-linux-musl)
    ffi (1.17.2-arm64-darwin)
    ffi (1.17.2-x86_64-darwin)
    ffi (1.17.2-x86_64-linux-gnu)
    ffi (1.17.2-x86_64-linux-musl)
    fiber-storage (1.0.1)
    file_validators (3.0.0)
      activemodel (>= 3.2)
      mime-types (>= 1.0)
    fog-core (2.6.0)
      builder
      excon (~> 1.0)
      formatador (>= 0.2, < 2.0)
      mime-types
    fog-local (0.9.0)
      fog-core (>= 1.27, < 3.0)
    foreman (0.90.0)
      thor (~> 1.4)
    formatador (1.2.0)
      reline
    gemoji (3.0.1)
    geocoder (1.8.5)
      base64 (>= 0.1.0)
      csv (>= 3.0.0)
    geom2d (0.4.1)
    globalid (1.2.1)
      activesupport (>= 6.1)
    google-protobuf (4.32.0)
      bigdecimal
      rake (>= 13)
    google-protobuf (4.32.0-aarch64-linux-gnu)
      bigdecimal
      rake (>= 13)
    google-protobuf (4.32.0-aarch64-linux-musl)
      bigdecimal
      rake (>= 13)
    google-protobuf (4.32.0-arm64-darwin)
      bigdecimal
      rake (>= 13)
    google-protobuf (4.32.0-x86_64-darwin)
      bigdecimal
      rake (>= 13)
    google-protobuf (4.32.0-x86_64-linux-gnu)
      bigdecimal
      rake (>= 13)
    google-protobuf (4.32.0-x86_64-linux-musl)
      bigdecimal
      rake (>= 13)
    graphql (2.4.17)
      base64
      fiber-storage
      logger
    graphql-docs (5.2.0)
      commonmarker (~> 0.23, >= 0.23.6)
      escape_utils (~> 1.2)
      extended-markdown-filter (~> 0.4)
      gemoji (~> 3.0)
      graphql (~> 2.0)
      html-pipeline (~> 2.14, >= 2.14.3)
      logger (~> 1.6)
      ostruct (~> 0.6)
      sass-embedded (~> 1.58)
    hashdiff (1.2.1)
    hashie (5.0.0)
    hexapdf (1.1.1)
      cmdparse (~> 3.0, >= 3.0.3)
      geom2d (~> 0.4, >= 0.4.1)
      openssl (>= 2.2.1)
      strscan (>= 3.1.2)
    highline (3.1.2)
      reline
    html-pipeline (2.14.3)
      activesupport (>= 2)
      nokogiri (>= 1.4)
    htmlentities (4.3.4)
    i18n (1.14.7)
      concurrent-ruby (~> 1.0)
    i18n-tasks (1.0.15)
      activesupport (>= 4.0.2)
      ast (>= 2.1.0)
      erubi
      highline (>= 2.0.0)
      i18n
      parser (>= 3.2.2.1)
      rails-i18n
      rainbow (>= 2.2.2, < 4.0)
      ruby-progressbar (~> 1.8, >= 1.8.1)
      terminal-table (>= 1.5.1)
    icalendar (2.11.2)
      base64
      ice_cube (~> 0.16)
      logger
      ostruct
    ice_cube (0.17.0)
    image_processing (1.14.0)
      mini_magick (>= 4.9.5, < 6)
      ruby-vips (>= 2.0.17, < 3)
    invisible_captcha (0.13.0)
      rails (>= 3.2.0)
    io-console (0.8.1)
    irb (1.15.2)
      pp (>= 0.6.0)
      rdoc (>= 4.0.0)
      reline (>= 0.4.2)
    jmespath (1.6.2)
    json (2.13.2)
    jwt (3.1.2)
      base64
    kaminari (1.2.2)
      activesupport (>= 4.1.0)
      kaminari-actionview (= 1.2.2)
      kaminari-activerecord (= 1.2.2)
      kaminari-core (= 1.2.2)
    kaminari-actionview (1.2.2)
      actionview
      kaminari-core (= 1.2.2)
    kaminari-activerecord (1.2.2)
      activerecord
      kaminari-core (= 1.2.2)
    kaminari-core (1.2.2)
    kramdown (2.5.1)
      rexml (>= 3.3.9)
    kramdown-parser-gfm (1.1.0)
      kramdown (~> 2.0)
    language_server-protocol (3.17.0.5)
    launchy (3.1.1)
      addressable (~> 2.8)
      childprocess (~> 5.0)
      logger (~> 1.6)
    letter_opener (1.10.0)
      launchy (>= 2.2, < 4)
    letter_opener_web (3.0.0)
      actionmailer (>= 6.1)
      letter_opener (~> 1.9)
      railties (>= 6.1)
      rexml
    listen (3.9.0)
      rb-fsevent (~> 0.10, >= 0.10.3)
      rb-inotify (~> 0.9, >= 0.9.10)
    logger (1.7.0)
    lograge (0.14.0)
      actionpack (>= 4)
      activesupport (>= 4)
      railties (>= 4)
      request_store (~> 1.0)
    loofah (2.24.1)
      crass (~> 1.0.2)
      nokogiri (>= 1.12.0)
    mail (2.8.1)
      mini_mime (>= 0.1.1)
      net-imap
      net-pop
      net-smtp
    marcel (1.0.4)
    matrix (0.4.3)
    mdl (0.13.0)
      kramdown (~> 2.3)
      kramdown-parser-gfm (~> 1.1)
      mixlib-cli (~> 2.1, >= 2.1.1)
      mixlib-config (>= 2.2.1, < 4)
      mixlib-shellout
    method_source (1.1.0)
    mime-types (3.7.0)
      logger
      mime-types-data (~> 3.2025, >= 3.2025.0507)
    mime-types-data (3.2025.0902)
    mini_magick (4.13.2)
    mini_mime (1.1.5)
    minitest (5.25.5)
    mixlib-cli (2.1.8)
    mixlib-config (3.0.27)
      tomlrb
    mixlib-shellout (3.3.9)
      chef-utils
    msgpack (1.8.0)
    multi_json (1.17.0)
    multi_xml (0.7.2)
      bigdecimal (~> 3.1)
    net-http (0.6.0)
      uri
    net-imap (0.5.10)
      date
      net-protocol
    net-pop (0.1.2)
      net-protocol
    net-protocol (0.2.2)
      timeout
    net-scp (4.1.0)
      net-ssh (>= 2.6.5, < 8.0.0)
    net-sftp (4.0.0)
      net-ssh (>= 5.0.0, < 8.0.0)
    net-smtp (0.5.1)
      net-protocol
    net-ssh (7.3.0)
    nio4r (2.7.4)
    node-runner (1.2.0)
    nokogiri (1.18.9-aarch64-linux-gnu)
      racc (~> 1.4)
    nokogiri (1.18.9-aarch64-linux-musl)
      racc (~> 1.4)
    nokogiri (1.18.9-arm-linux-gnu)
      racc (~> 1.4)
    nokogiri (1.18.9-arm-linux-musl)
      racc (~> 1.4)
    nokogiri (1.18.9-arm64-darwin)
      racc (~> 1.4)
    nokogiri (1.18.9-x86_64-darwin)
      racc (~> 1.4)
    nokogiri (1.18.9-x86_64-linux-gnu)
      racc (~> 1.4)
    nokogiri (1.18.9-x86_64-linux-musl)
      racc (~> 1.4)
    oauth (1.1.0)
      oauth-tty (~> 1.0, >= 1.0.1)
      snaky_hash (~> 2.0)
      version_gem (~> 1.1)
    oauth-tty (1.0.5)
      version_gem (~> 1.1, >= 1.1.1)
    oauth2 (2.0.15)
      faraday (>= 0.17.3, < 4.0)
      jwt (>= 1.0, < 4.0)
      logger (~> 1.2)
      multi_xml (~> 0.5)
      rack (>= 1.2, < 4)
      snaky_hash (~> 2.0, >= 2.0.3)
      version_gem (~> 1.1, >= 1.1.8)
    omniauth (2.1.3)
      hashie (>= 3.4.6)
      rack (>= 2.2.3)
      rack-protection
    omniauth-facebook (5.0.0)
      omniauth-oauth2 (~> 1.2)
    omniauth-google-oauth2 (1.2.1)
      jwt (>= 2.9.2)
      oauth2 (~> 2.0)
      omniauth (~> 2.0)
      omniauth-oauth2 (~> 1.8)
    omniauth-oauth (1.2.1)
      oauth
      omniauth (>= 1.0, < 3)
      rack (>= 1.6.2, < 4)
    omniauth-oauth2 (1.8.0)
      oauth2 (>= 1.4, < 3)
      omniauth (~> 2.0)
    omniauth-rails_csrf_protection (1.0.2)
      actionpack (>= 4.2)
      omniauth (~> 2.0)
    omniauth-twitter (1.4.0)
      omniauth-oauth (~> 1.1)
      rack
    openssl (3.3.0)
    origami (2.1.0)
      colorize (~> 0.7)
    orm_adapter (0.5.0)
    ostruct (0.6.3)
    paper_trail (16.0.0)
      activerecord (>= 6.1)
      request_store (~> 1.4)
    parallel (1.27.0)
    parallel_tests (4.10.1)
      parallel
    paranoia (3.0.1)
      activerecord (>= 6, < 8.1)
    parser (3.3.9.0)
      ast (~> 2.4.1)
      racc
    pg (1.5.9)
    pg_search (2.3.7)
      activerecord (>= 6.1)
      activesupport (>= 6.1)
    polyglot (0.3.5)
    pp (0.6.2)
      prettyprint
    premailer (1.27.0)
      addressable
      css_parser (>= 1.19.0)
      htmlentities (>= 4.0.0)
    premailer-rails (1.12.0)
      actionmailer (>= 3)
      net-smtp
      premailer (~> 1.7, >= 1.7.9)
    prettyprint (0.2.0)
    prism (1.4.0)
    progressbar (1.13.0)
    psych (5.2.6)
      date
      stringio
    public_suffix (6.0.2)
    puma (6.6.1)
      nio4r (~> 2.0)
    racc (1.8.1)
    rack (2.2.17)
    rack-attack (6.7.0)
      rack (>= 1.0, < 4)
    rack-cors (1.1.1)
      rack (>= 2.0.0)
    rack-protection (3.2.0)
      base64 (>= 0.1.0)
      rack (~> 2.2, >= 2.2.4)
    rack-proxy (0.7.7)
      rack
    rack-ssl-enforcer (0.2.9)
    rack-test (2.2.0)
      rack (>= 1.3)
    rack-timeout (0.7.0)
    rack_password (1.3)
    rails (7.0.8.7)
      actioncable (= 7.0.8.7)
      actionmailbox (= 7.0.8.7)
      actionmailer (= 7.0.8.7)
      actionpack (= 7.0.8.7)
      actiontext (= 7.0.8.7)
      actionview (= 7.0.8.7)
      activejob (= 7.0.8.7)
      activemodel (= 7.0.8.7)
      activerecord (= 7.0.8.7)
      activestorage (= 7.0.8.7)
      activesupport (= 7.0.8.7)
      bundler (>= 1.15.0)
      railties (= 7.0.8.7)
    rails-controller-testing (1.0.5)
      actionpack (>= 5.0.1.rc1)
      actionview (>= 5.0.1.rc1)
      activesupport (>= 5.0.1.rc1)
    rails-dom-testing (2.3.0)
      activesupport (>= 5.0.0)
      minitest
      nokogiri (>= 1.6)
    rails-html-sanitizer (1.6.2)
      loofah (~> 2.21)
      nokogiri (>= 1.15.7, != 1.16.7, != 1.16.6, != 1.16.5, != 1.16.4, != 1.16.3, != 1.16.2, != 1.16.1, != 1.16.0.rc1, != 1.16.0)
    rails-i18n (7.0.10)
      i18n (>= 0.7, < 2)
      railties (>= 6.0.0, < 8)
    rails_12factor (0.0.3)
      rails_serve_static_assets
      rails_stdout_logging
    rails_autoscale_agent (0.12.0)
    rails_serve_static_assets (0.0.5)
    rails_stdout_logging (0.0.5)
    railties (7.0.8.7)
      actionpack (= 7.0.8.7)
      activesupport (= 7.0.8.7)
      method_source
      rake (>= 12.2)
      thor (~> 1.0)
      zeitwerk (~> 2.5)
    rainbow (3.1.1)
    rake (13.3.0)
    ransack (4.2.1)
      activerecord (>= 6.1.5)
      activesupport (>= 6.1.5)
      i18n
    rb-fsevent (0.11.2)
    rb-inotify (0.11.1)
      ffi (~> 1.0)
    rbs (3.9.4)
      logger
    rdoc (6.14.2)
      erb
      psych (>= 4.0.0)
    redcarpet (3.6.1)
    redis (4.8.1)
    redis-client (0.25.2)
      connection_pool
    regexp_parser (2.11.2)
    reline (0.6.2)
      io-console (~> 0.5)
    request_store (1.7.0)
      rack (>= 1.4)
    responders (3.1.1)
      actionpack (>= 5.2)
      railties (>= 5.2)
    rexml (3.4.2)
    rspec (3.13.1)
      rspec-core (~> 3.13.0)
      rspec-expectations (~> 3.13.0)
      rspec-mocks (~> 3.13.0)
    rspec-cells (0.3.10)
      cells (>= 4.0.0, < 6.0.0)
      rspec-rails (>= 3.0.0)
    rspec-core (3.13.5)
      rspec-support (~> 3.13.0)
    rspec-expectations (3.13.5)
      diff-lcs (>= 1.2.0, < 2.0)
      rspec-support (~> 3.13.0)
    rspec-html-matchers (0.10.0)
      nokogiri (~> 1)
      rspec (>= 3.0.0.a)
    rspec-mocks (3.13.5)
      diff-lcs (>= 1.2.0, < 2.0)
      rspec-support (~> 3.13.0)
    rspec-rails (6.1.5)
      actionpack (>= 6.1)
      activesupport (>= 6.1)
      railties (>= 6.1)
      rspec-core (~> 3.13)
      rspec-expectations (~> 3.13)
      rspec-mocks (~> 3.13)
      rspec-support (~> 3.13)
    rspec-retry (0.6.2)
      rspec-core (> 3.3)
    rspec-support (3.13.5)
    rspec_junit_formatter (0.6.0)
      rspec-core (>= 2, < 4, != 2.12.0)
    rubocop (1.69.2)
      json (~> 2.3)
      language_server-protocol (>= 3.17.0)
      parallel (~> 1.10)
      parser (>= 3.3.0.2)
      rainbow (>= 2.2.2, < 4.0)
      regexp_parser (>= 2.9.3, < 3.0)
      rubocop-ast (>= 1.36.2, < 2.0)
      ruby-progressbar (~> 1.7)
      unicode-display_width (>= 2.4.0, < 4.0)
    rubocop-ast (1.46.0)
      parser (>= 3.3.7.2)
      prism (~> 1.4)
    rubocop-capybara (2.21.0)
      rubocop (~> 1.41)
    rubocop-factory_bot (2.26.1)
      rubocop (~> 1.61)
    rubocop-faker (1.2.0)
      faker (>= 2.12.0)
      rubocop (>= 1.13.0)
    rubocop-graphql (1.5.4)
      rubocop (>= 1.50, < 2)
    rubocop-performance (1.23.1)
      rubocop (>= 1.48.1, < 2.0)
      rubocop-ast (>= 1.31.1, < 2.0)
    rubocop-rails (2.29.1)
      activesupport (>= 4.2.0)
      rack (>= 1.1)
      rubocop (>= 1.52.0, < 2.0)
      rubocop-ast (>= 1.31.1, < 2.0)
    rubocop-rspec (3.4.0)
      rubocop (~> 1.61)
    rubocop-rspec_rails (2.30.0)
      rubocop (~> 1.61)
      rubocop-rspec (~> 3, >= 3.0.1)
    rubocop-rubycw (0.1.6)
      rubocop (~> 1.0)
    ruby-lsp (0.26.1)
      language_server-protocol (~> 3.17.0)
      prism (>= 1.2, < 2.0)
      rbs (>= 3, < 5)
    ruby-lsp-rails (0.4.8)
      ruby-lsp (>= 0.26.0, < 0.27.0)
    ruby-lsp-rspec (0.1.27)
      ruby-lsp (~> 0.26.0)
    ruby-progressbar (1.13.0)
    ruby-vips (2.2.5)
      ffi (~> 1.12)
      logger
    rubyXL (3.4.33)
      nokogiri (>= 1.10.8)
      rubyzip (>= 1.3.0)
    rubyzip (2.3.2)
    sass-embedded (1.91.0-aarch64-linux-gnu)
      google-protobuf (~> 4.31)
    sass-embedded (1.91.0-aarch64-linux-musl)
      google-protobuf (~> 4.31)
    sass-embedded (1.91.0-arm-linux-gnueabihf)
      google-protobuf (~> 4.31)
    sass-embedded (1.91.0-arm-linux-musleabihf)
      google-protobuf (~> 4.31)
    sass-embedded (1.91.0-arm64-darwin)
      google-protobuf (~> 4.31)
    sass-embedded (1.91.0-x86_64-darwin)
      google-protobuf (~> 4.31)
    sass-embedded (1.91.0-x86_64-linux-gnu)
      google-protobuf (~> 4.31)
    sass-embedded (1.91.0-x86_64-linux-musl)
      google-protobuf (~> 4.31)
    sassc (2.4.0)
      ffi (~> 1.9)
    selenium-webdriver (4.35.0)
      base64 (~> 0.2)
      logger (~> 1.4)
      rexml (~> 3.2, >= 3.2.5)
      rubyzip (>= 1.2.2, < 4.0)
      websocket (~> 1.0)
    semantic_range (3.1.0)
    sentry-rails (5.26.0)
      railties (>= 5.0)
      sentry-ruby (~> 5.26.0)
    sentry-ruby (5.26.0)
      bigdecimal
      concurrent-ruby (~> 1.0, >= 1.0.2)
    sentry-sidekiq (5.26.0)
      sentry-ruby (~> 5.26.0)
      sidekiq (>= 3.0)
    shakapacker (7.1.0)
      activesupport (>= 5.2)
      rack-proxy (>= 0.6.1)
      railties (>= 5.2)
      semantic_range (>= 2.3.0)
    sidekiq (7.3.9)
      base64
      connection_pool (>= 2.3.0)
      logger
      rack (>= 2.2.4)
      redis-client (>= 0.22.2)
    simplecov (0.22.0)
      docile (~> 1.1)
      simplecov-html (~> 0.11)
      simplecov_json_formatter (~> 0.1)
    simplecov-cobertura (2.1.0)
      rexml
      simplecov (~> 0.19)
    simplecov-html (0.13.2)
    simplecov_json_formatter (0.1.4)
    smart_properties (1.17.0)
    snaky_hash (2.0.3)
      hashie (>= 0.1.0, < 6)
      version_gem (>= 1.1.8, < 3)
    spring (4.4.0)
    spring-watcher-listen (2.1.0)
      listen (>= 2.7, < 4.0)
      spring (>= 4)
    sshkit (1.24.0)
      base64
      logger
      net-scp (>= 1.1.2)
      net-sftp (>= 2.1.2)
      net-ssh (>= 2.8.0)
      ostruct
    sshkit-interactive (0.3.0)
      sshkit (~> 1.12)
    stackprof (0.2.27)
    statsd-ruby (1.5.0)
    stringio (3.1.7)
    strscan (3.1.5)
    temple (0.10.4)
    terminal-table (4.0.0)
      unicode-display_width (>= 1.1.1, < 4)
    thor (1.4.0)
    tilt (2.6.1)
    timeout (0.4.3)
    tomlrb (2.0.3)
    trailblazer-option (0.1.2)
    tzinfo (2.0.6)
      concurrent-ruby (~> 1.0)
    uber (0.1.0)
    unicode-display_width (3.1.5)
      unicode-emoji (~> 4.0, >= 4.0.4)
    unicode-emoji (4.0.4)
    uniform_notifier (1.18.0)
    uri (1.0.3)
    valid_email2 (7.0.13)
      activemodel (>= 6.0)
      mail (~> 2.5)
    version_gem (1.1.9)
    w3c_rspec_validators (0.3.0)
      rails
      rspec
      w3c_validators
    w3c_validators (1.3.7)
      json (>= 1.8)
      nokogiri (~> 1.6)
      rexml (~> 3.2)
    warden (1.2.9)
      rack (>= 2.0.9)
    web-console (4.2.1)
      actionview (>= 6.0.0)
      activemodel (>= 6.0.0)
      bindex (>= 0.4.0)
      railties (>= 6.0.0)
    web-push (3.0.2)
      jwt (~> 3.0)
      openssl (~> 3.0)
    webmock (3.25.1)
      addressable (>= 2.8.0)
      crack (>= 0.3.2)
      hashdiff (>= 0.4.0, < 2.0.0)
    websocket (1.2.11)
    websocket-driver (0.8.0)
      base64
      websocket-extensions (>= 0.1.0)
    websocket-extensions (0.1.5)
    whenever (1.0.0)
      chronic (>= 0.6.3)
    wicked_pdf (2.7.0)
      activesupport
    wisper (3.0.0)
    wisper-rspec (1.1.0)
    xpath (3.2.0)
      nokogiri (~> 1.8)
    zeitwerk (2.7.3)

PLATFORMS
  aarch64-linux-gnu
  aarch64-linux-musl
  arm-linux-gnu
  arm-linux-gnueabihf
  arm-linux-musl
  arm-linux-musleabihf
  arm64-darwin
  x86_64-darwin
  x86_64-linux-gnu
  x86_64-linux-musl

DEPENDENCIES
  appsignal
  aws-sdk-s3
  barnes
  bootsnap
  byebug
  capistrano
  capistrano-bundler
  capistrano-passenger
  capistrano-rails
  capistrano-rails-console
  capistrano-rbenv
  capistrano-sidekiq
  capistrano3-puma (~> 6.0)
  codecov
  dalli
  database_cleaner
  debug
  decidim (~> 0.30.0)
  decidim-census_sms!
  decidim-dataviz!
  decidim-decidim_awesome!
  decidim-dev (~> 0.30.0)
  decidim-initiatives (~> 0.30.0)
  decidim-internal_evaluation!
  decidim-navigation_maps!
  decidim-sortitions (~> 0.30.0)
  decidim-stats!
  decidim-templates (~> 0.30.0)
  decidim-term_customizer!
  decidim-vocdoni!
  dotenv-rails
  faker
  foreman
  letter_opener_web
  listen
  lograge
  matrix
  mdl
  origami
  progressbar
  puma
  rack-ssl-enforcer
  rack-timeout
  rack_password
  rails_12factor
  rails_autoscale_agent
  rexml
  rspec
  rubocop
  rubocop-faker
  ruby-lsp
  ruby-lsp-rails
  ruby-lsp-rspec
  sentry-rails
  sentry-ruby
  sentry-sidekiq
  sidekiq
  stackprof
  web-console
  whenever
  wicked_pdf (~> 2.7.0)

RUBY VERSION
   ruby 3.3.4p94

BUNDLED WITH
   2.6.6
