GIT
  remote: https://github.com/decidim/decidim
  revision: f920e99dc728fa9637926f3028e62a8e61193458
  branch: release/0.26-stable
  specs:
    decidim (0.26.1)
      decidim-accountability (= 0.26.1)
      decidim-admin (= 0.26.1)
      decidim-api (= 0.26.1)
      decidim-assemblies (= 0.26.1)
      decidim-blogs (= 0.26.1)
      decidim-budgets (= 0.26.1)
      decidim-comments (= 0.26.1)
      decidim-core (= 0.26.1)
      decidim-debates (= 0.26.1)
      decidim-forms (= 0.26.1)
      decidim-generators (= 0.26.1)
      decidim-meetings (= 0.26.1)
      decidim-pages (= 0.26.1)
      decidim-participatory_processes (= 0.26.1)
      decidim-proposals (= 0.26.1)
      decidim-sortitions (= 0.26.1)
      decidim-surveys (= 0.26.1)
      decidim-system (= 0.26.1)
      decidim-templates (= 0.26.1)
      decidim-verifications (= 0.26.1)
    decidim-accountability (0.26.1)
      decidim-comments (= 0.26.1)
      decidim-core (= 0.26.1)
    decidim-admin (0.26.1)
      active_link_to (~> 1.0)
      decidim-core (= 0.26.1)
      devise (~> 4.7)
      devise-i18n (~> 1.2)
      devise_invitable (~> 2.0)
    decidim-api (0.26.1)
      graphql (~> 1.12, < 1.13)
      rack-cors (~> 1.0)
      redcarpet (~> 3.5, >= 3.5.1)
    decidim-assemblies (0.26.1)
      decidim-core (= 0.26.1)
    decidim-blogs (0.26.1)
      decidim-admin (= 0.26.1)
      decidim-comments (= 0.26.1)
      decidim-core (= 0.26.1)
    decidim-budgets (0.26.1)
      decidim-comments (= 0.26.1)
      decidim-core (= 0.26.1)
    decidim-comments (0.26.1)
      decidim-core (= 0.26.1)
      redcarpet (~> 3.5, >= 3.5.1)
    decidim-core (0.26.1)
      active_link_to (~> 1.0)
      acts_as_list (~> 0.9)
      batch-loader (~> 1.2)
      browser (~> 2.7)
      carrierwave (~> 2.2.1)
      cells-erb (~> 0.1.0)
      cells-rails (~> 0.1.3)
      charlock_holmes (~> 0.7)
      date_validator (~> 0.9.0)
      decidim-api (= 0.26.1)
      devise (~> 4.7)
      devise-i18n (~> 1.2)
      diffy (~> 3.3)
      doorkeeper (~> 5.1)
      doorkeeper-i18n (~> 4.0)
      file_validators (~> 2.1)
      fog-local (~> 0.6)
      foundation_rails_helper
      geocoder (~> 1.5)
      hashdiff (>= 0.4.0, < 2.0.0)
      invisible_captcha (~> 0.12)
      kaminari (~> 1.2, >= 1.2.1)
      loofah (~> 2.3.1)
      mime-types (>= 1.16, < 4.0)
      mini_magick (~> 4.9)
      mustache (~> 1.1.0)
      omniauth (~> 2.0)
      omniauth-facebook (~> 5.0)
      omniauth-google-oauth2 (~> 1.0)
      omniauth-rails_csrf_protection (~> 1.0)
      omniauth-twitter (~> 1.4)
      paper_trail (~> 12.0)
      pg (~> 1.1.4, < 2)
      pg_search (~> 2.2)
      premailer-rails (~> 1.10)
      rack (~> 2.2, >= 2.2.3)
      rack-attack (~> 6.0)
      rails (~> 6.0.4)
      rails-i18n (~> 6.0)
      ransack (~> 2.4.1)
      rectify (~> 0.13.0)
      redis (~> 4.1)
      request_store (~> 1.5.0)
      rubyXL (~> 3.4)
      rubyzip (~> 2.0)
      searchlight (~> 4.1)
      seven_zip_ruby (~> 1.3)
      social-share-button (~> 1.2, >= 1.2.1)
      valid_email2 (~> 2.1)
      webpacker (= 6.0.0.rc.5)
      wisper (~> 2.0)
    decidim-debates (0.26.1)
      decidim-comments (= 0.26.1)
      decidim-core (= 0.26.1)
    decidim-dev (0.26.1)
      axe-core-rspec (~> 4.1.0)
      byebug (~> 11.0)
      capybara (~> 3.24)
      db-query-matchers (~> 0.10.0)
      decidim (= 0.26.1)
      erb_lint (~> 0.0.35)
      factory_bot_rails (~> 4.8)
      i18n-tasks (~> 0.9.18)
      mdl (~> 0.5)
      nokogiri (~> 1.12)
      puma (~> 5.0)
      rails-controller-testing (~> 1.0)
      rspec-cells (~> 0.3.4)
      rspec-html-matchers (~> 0.9.1)
      rspec-rails (~> 4.0)
      rspec-retry (~> 0.6.2)
      rspec_junit_formatter (~> 0.3.0)
      rubocop (~> 0.92.0)
      rubocop-rails (~> 2.8)
      rubocop-rspec (= 1.43.2)
      selenium-webdriver (~> 3.142)
      simplecov (~> 0.19.0)
      simplecov-cobertura (~> 1.3.1)
      system_test_html_screenshots (~> 0.2)
      w3c_rspec_validators (~> 0.3.0)
      webmock (~> 3.6)
      wisper-rspec (~> 1.0)
    decidim-forms (0.26.1)
      decidim-core (= 0.26.1)
      wicked_pdf (~> 2.1)
      wkhtmltopdf-binary (~> 0.12)
    decidim-generators (0.26.1)
      decidim-core (= 0.26.1)
    decidim-initiatives (0.26.1)
      decidim-admin (= 0.26.1)
      decidim-comments (= 0.26.1)
      decidim-core (= 0.26.1)
      decidim-verifications (= 0.26.1)
      origami (~> 2.1)
      virtus-multiparams (~> 0.1)
      wicked (~> 1.3)
      wicked_pdf (~> 2.1)
      wkhtmltopdf-binary (~> 0.12)
    decidim-meetings (0.26.1)
      decidim-core (= 0.26.1)
      decidim-forms (= 0.26.1)
      icalendar (~> 2.5)
    decidim-pages (0.26.1)
      decidim-core (= 0.26.1)
    decidim-participatory_processes (0.26.1)
      decidim-core (= 0.26.1)
    decidim-proposals (0.26.1)
      decidim-comments (= 0.26.1)
      decidim-core (= 0.26.1)
      doc2text (~> 0.4.4)
      redcarpet (~> 3.5, >= 3.5.1)
    decidim-sortitions (0.26.1)
      decidim-admin (= 0.26.1)
      decidim-comments (= 0.26.1)
      decidim-core (= 0.26.1)
      decidim-proposals (= 0.26.1)
    decidim-surveys (0.26.1)
      decidim-core (= 0.26.1)
      decidim-forms (= 0.26.1)
      decidim-templates (= 0.26.1)
    decidim-system (0.26.1)
      active_link_to (~> 1.0)
      decidim-core (= 0.26.1)
      devise (~> 4.7)
      devise-i18n (~> 1.2)
      devise_invitable (~> 2.0)
    decidim-templates (0.26.1)
      decidim-core (= 0.26.1)
      decidim-forms (= 0.26.1)
    decidim-verifications (0.26.1)
      decidim-core (= 0.26.1)

GIT
  remote: https://github.com/mainio/decidim-module-term_customizer
  revision: 6b5e50d9ae4cf16897cf193da4a55cd07d3fce81
  branch: develop
  specs:
    decidim-term_customizer (0.26.0)
      decidim-admin (~> 0.26.0.rc2)
      decidim-core (~> 0.26.0.rc2)

PATH
  remote: decidim-census_sms
  specs:
    decidim-census_sms (0.0.1)
      decidim-core

PATH
  remote: decidim-dataviz
  specs:
    decidim-dataviz (0.0.1)
      decidim-core

PATH
  remote: decidim-ephemeral_participation
  specs:
    decidim-ephemeral_participation (0.0.2)
      decidim-verifications

PATH
  remote: decidim-stats
  specs:
    decidim-stats (0.0.1)
      decidim-comments
      decidim-core
      decidim-proposals

PATH
  remote: decidim-valid_auth
  specs:
    decidim-valid_auth (0.0.1)
      decidim-verifications

GEM
  remote: https://rubygems.org/
  specs:
    actioncable (6.0.4.7)
      actionpack (= 6.0.4.7)
      nio4r (~> 2.0)
      websocket-driver (>= 0.6.1)
    actionmailbox (6.0.4.7)
      actionpack (= 6.0.4.7)
      activejob (= 6.0.4.7)
      activerecord (= 6.0.4.7)
      activestorage (= 6.0.4.7)
      activesupport (= 6.0.4.7)
      mail (>= 2.7.1)
    actionmailer (6.0.4.7)
      actionpack (= 6.0.4.7)
      actionview (= 6.0.4.7)
      activejob (= 6.0.4.7)
      mail (~> 2.5, >= 2.5.4)
      rails-dom-testing (~> 2.0)
    actionpack (6.0.4.7)
      actionview (= 6.0.4.7)
      activesupport (= 6.0.4.7)
      rack (~> 2.0, >= 2.0.8)
      rack-test (>= 0.6.3)
      rails-dom-testing (~> 2.0)
      rails-html-sanitizer (~> 1.0, >= 1.2.0)
    actiontext (6.0.4.7)
      actionpack (= 6.0.4.7)
      activerecord (= 6.0.4.7)
      activestorage (= 6.0.4.7)
      activesupport (= 6.0.4.7)
      nokogiri (>= 1.8.5)
    actionview (6.0.4.7)
      activesupport (= 6.0.4.7)
      builder (~> 3.1)
      erubi (~> 1.4)
      rails-dom-testing (~> 2.0)
      rails-html-sanitizer (~> 1.1, >= 1.2.0)
    active_link_to (1.0.5)
      actionpack
      addressable
    activejob (6.0.4.7)
      activesupport (= 6.0.4.7)
      globalid (>= 0.3.6)
    activemodel (6.0.4.7)
      activesupport (= 6.0.4.7)
    activerecord (6.0.4.7)
      activemodel (= 6.0.4.7)
      activesupport (= 6.0.4.7)
    activestorage (6.0.4.7)
      actionpack (= 6.0.4.7)
      activejob (= 6.0.4.7)
      activerecord (= 6.0.4.7)
      marcel (~> 1.0.0)
    activesupport (6.0.4.7)
      concurrent-ruby (~> 1.0, >= 1.0.2)
      i18n (>= 0.7, < 2)
      minitest (~> 5.1)
      tzinfo (~> 1.1)
      zeitwerk (~> 2.2, >= 2.2.2)
    acts_as_list (0.9.19)
      activerecord (>= 3.0)
    addressable (2.8.0)
      public_suffix (>= 2.0.2, < 5.0)
    ast (2.4.2)
    aws-eventstream (1.2.0)
    aws-partitions (1.574.0)
    aws-sdk-core (3.130.0)
      aws-eventstream (~> 1, >= 1.0.2)
      aws-partitions (~> 1, >= 1.525.0)
      aws-sigv4 (~> 1.1)
      jmespath (~> 1.0)
    aws-sdk-kms (1.55.0)
      aws-sdk-core (~> 3, >= 3.127.0)
      aws-sigv4 (~> 1.1)
    aws-sdk-s3 (1.113.0)
      aws-sdk-core (~> 3, >= 3.127.0)
      aws-sdk-kms (~> 1)
      aws-sigv4 (~> 1.4)
    aws-sigv4 (1.4.0)
      aws-eventstream (~> 1, >= 1.0.2)
    axe-core-api (4.4.0)
      dumb_delegator
      virtus
    axe-core-rspec (4.1.0)
      axe-core-api
      dumb_delegator
      virtus
    axiom-types (0.1.1)
      descendants_tracker (~> 0.0.4)
      ice_nine (~> 0.11.0)
      thread_safe (~> 0.3, >= 0.3.1)
    barnes (0.0.9)
      multi_json (~> 1)
      statsd-ruby (~> 1.1)
    batch-loader (1.5.0)
    bcrypt (3.1.17)
    better_html (1.0.16)
      actionview (>= 4.0)
      activesupport (>= 4.0)
      ast (~> 2.0)
      erubi (~> 1.4)
      html_tokenizer (~> 0.0.6)
      parser (>= 2.4)
      smart_properties
    bootsnap (1.11.1)
      msgpack (~> 1.2)
    browser (2.7.1)
    builder (3.2.4)
    byebug (11.1.3)
    capybara (3.36.0)
      addressable
      matrix
      mini_mime (>= 0.1.3)
      nokogiri (~> 1.8)
      rack (>= 1.6.0)
      rack-test (>= 0.6.3)
      regexp_parser (>= 1.5, < 3.0)
      xpath (~> 3.2)
    carrierwave (2.2.2)
      activemodel (>= 5.0.0)
      activesupport (>= 5.0.0)
      addressable (~> 2.6)
      image_processing (~> 1.1)
      marcel (~> 1.0.0)
      mini_mime (>= 0.1.3)
      ssrf_filter (~> 1.0)
    cells (4.1.7)
      declarative-builder (< 0.2.0)
      declarative-option (< 0.2.0)
      tilt (>= 1.4, < 3)
      uber (< 0.2.0)
    cells-erb (0.1.0)
      cells (~> 4.0)
      erbse (>= 0.1.1)
    cells-rails (0.1.4)
      actionpack (>= 5.0)
      cells (>= 4.1.6, < 5.0.0)
    charlock_holmes (0.7.7)
    chef-utils (17.10.0)
      concurrent-ruby
    childprocess (3.0.0)
    coercible (1.0.0)
      descendants_tracker (~> 0.0.1)
    coffee-rails (5.0.0)
      coffee-script (>= 2.2.0)
      railties (>= 5.2.0)
    coffee-script (2.4.1)
      coffee-script-source
      execjs
    coffee-script-source (1.12.2)
    colorize (0.8.1)
    concurrent-ruby (1.1.10)
    connection_pool (2.2.5)
    crack (0.4.5)
      rexml
    crass (1.0.6)
    css_parser (1.11.0)
      addressable
    dalli (3.2.1)
    database_cleaner (2.0.1)
      database_cleaner-active_record (~> 2.0.0)
    database_cleaner-active_record (2.0.1)
      activerecord (>= 5.a)
      database_cleaner-core (~> 2.0.0)
    database_cleaner-core (2.0.1)
    date_validator (0.9.0)
      activemodel
      activesupport
    db-query-matchers (0.10.0)
      activesupport (>= 4.0, < 7)
      rspec (~> 3.0)
    decidim-navigation_maps (1.3.4)
      decidim-admin (>= 0.25, < 0.27)
      decidim-core (>= 0.25, < 0.27)
    declarative-builder (0.1.0)
      declarative-option (< 0.2.0)
    declarative-option (0.1.0)
    deface (1.9.0)
      actionview (>= 5.2)
      nokogiri (>= 1.6)
      polyglot
      railties (>= 5.2)
      rainbow (>= 2.1.0)
    descendants_tracker (0.0.4)
      thread_safe (~> 0.3, >= 0.3.1)
    devise (4.8.1)
      bcrypt (~> 3.0)
      orm_adapter (~> 0.1)
      railties (>= 4.1.0)
      responders
      warden (~> 1.2.3)
    devise-i18n (1.10.2)
      devise (>= 4.8.0)
    devise_invitable (2.0.6)
      actionmailer (>= 5.0)
      devise (>= 4.6)
    diff-lcs (1.5.0)
    diffy (3.4.0)
    doc2text (0.4.5)
      nokogiri (>= 1.13.2, < 1.14.0)
      rubyzip (~> 2.3.0)
    docile (1.4.0)
    doorkeeper (5.5.4)
      railties (>= 5)
    doorkeeper-i18n (4.0.1)
    dotenv (2.7.6)
    dotenv-rails (2.7.6)
      dotenv (= 2.7.6)
      railties (>= 3.2)
    dumb_delegator (1.0.0)
    equalizer (0.0.11)
    erb_lint (0.0.37)
      activesupport
      better_html (~> 1.0.7)
      html_tokenizer
      parser (>= 2.7.1.4)
      rainbow
      rubocop
      smart_properties
    erbse (0.1.4)
      temple
    erubi (1.10.0)
    excon (0.92.2)
    execjs (2.8.1)
    factory_bot (4.11.1)
      activesupport (>= 3.0.0)
    factory_bot_rails (4.11.1)
      factory_bot (~> 4.11.1)
      railties (>= 3.0.0)
    faker (2.20.0)
      i18n (>= 1.8.11, < 2)
    faraday (2.2.0)
      faraday-net_http (~> 2.0)
      ruby2_keywords (>= 0.0.4)
    faraday-net_http (2.0.1)
    ffi (1.15.5)
    file_validators (2.3.0)
      activemodel (>= 3.2)
      mime-types (>= 1.0)
    fog-aws (3.13.0)
      fog-core (~> 2.1)
      fog-json (~> 1.1)
      fog-xml (~> 0.1)
    fog-core (2.3.0)
      builder
      excon (~> 0.71)
      formatador (>= 0.2, < 2.0)
      mime-types
    fog-json (1.2.0)
      fog-core
      multi_json (~> 1.10)
    fog-local (0.8.0)
      fog-core (>= 1.27, < 3.0)
    fog-xml (0.1.4)
      fog-core
      nokogiri (>= 1.5.11, < 2.0.0)
    formatador (1.1.0)
    foundation_rails_helper (4.0.1)
      actionpack (>= 4.1, < 7.1)
      activemodel (>= 4.1, < 7.1)
      activesupport (>= 4.1, < 7.1)
      railties (>= 4.1, < 7.1)
    geocoder (1.7.5)
    get_process_mem (0.2.7)
      ffi (~> 1.0)
    globalid (1.0.0)
      activesupport (>= 5.0)
    graphql (1.12.24)
    hashdiff (1.0.1)
    hashie (5.0.0)
    highline (2.0.3)
    html_tokenizer (0.0.7)
    htmlentities (4.3.4)
    i18n (1.10.0)
      concurrent-ruby (~> 1.0)
    i18n-tasks (0.9.37)
      activesupport (>= 4.0.2)
      ast (>= 2.1.0)
      erubi
      highline (>= 2.0.0)
      i18n
      parser (>= 2.2.3.0)
      rails-i18n
      rainbow (>= 2.2.2, < 4.0)
      terminal-table (>= 1.5.1)
    icalendar (2.7.1)
      ice_cube (~> 0.16)
    ice_cube (0.16.4)
    ice_nine (0.11.2)
    image_processing (1.12.2)
      mini_magick (>= 4.9.5, < 5)
      ruby-vips (>= 2.0.17, < 3)
    invisible_captcha (0.13.0)
      rails (>= 3.2.0)
    jmespath (1.6.1)
    json (2.6.1)
    jwt (2.3.0)
    kaminari (1.2.2)
      activesupport (>= 4.1.0)
      kaminari-actionview (= 1.2.2)
      kaminari-activerecord (= 1.2.2)
      kaminari-core (= 1.2.2)
    kaminari-actionview (1.2.2)
      actionview
      kaminari-core (= 1.2.2)
    kaminari-activerecord (1.2.2)
      activerecord
      kaminari-core (= 1.2.2)
    kaminari-core (1.2.2)
    kramdown (2.3.2)
      rexml
    kramdown-parser-gfm (1.1.0)
      kramdown (~> 2.0)
    launchy (2.5.0)
      addressable (~> 2.7)
    letter_opener (1.8.1)
      launchy (>= 2.2, < 3)
    letter_opener_web (2.0.0)
      actionmailer (>= 5.2)
      letter_opener (~> 1.7)
      railties (>= 5.2)
      rexml
    listen (3.7.1)
      rb-fsevent (~> 0.10, >= 0.10.3)
      rb-inotify (~> 0.9, >= 0.9.10)
    lograge (0.12.0)
      actionpack (>= 4)
      activesupport (>= 4)
      railties (>= 4)
      request_store (~> 1.0)
    loofah (2.3.1)
      crass (~> 1.0.2)
      nokogiri (>= 1.5.9)
    mail (2.7.1)
      mini_mime (>= 0.1.1)
    marcel (1.0.2)
    matrix (0.4.2)
    mdl (0.11.0)
      kramdown (~> 2.3)
      kramdown-parser-gfm (~> 1.1)
      mixlib-cli (~> 2.1, >= 2.1.1)
      mixlib-config (>= 2.2.1, < 4)
      mixlib-shellout
    method_source (1.0.0)
    mime-types (3.4.1)
      mime-types-data (~> 3.2015)
    mime-types-data (3.2022.0105)
    mini_magick (4.11.0)
    mini_mime (1.1.2)
    mini_portile2 (2.8.0)
    minitest (5.15.0)
    mixlib-cli (2.1.8)
    mixlib-config (3.0.9)
      tomlrb
    mixlib-shellout (3.2.7)
      chef-utils
    msgpack (1.5.1)
    multi_json (1.15.0)
    multi_xml (0.6.0)
    mustache (1.1.1)
    nio4r (2.5.8)
    nokogiri (1.13.3)
      mini_portile2 (~> 2.8.0)
      racc (~> 1.4)
    oauth (0.5.8)
    oauth2 (1.4.9)
      faraday (>= 0.17.3, < 3.0)
      jwt (>= 1.0, < 3.0)
      multi_json (~> 1.3)
      multi_xml (~> 0.5)
      rack (>= 1.2, < 3)
    omniauth (2.0.4)
      hashie (>= 3.4.6)
      rack (>= 1.6.2, < 3)
      rack-protection
    omniauth-facebook (5.0.0)
      omniauth-oauth2 (~> 1.2)
    omniauth-google-oauth2 (1.0.1)
      jwt (>= 2.0)
      oauth2 (~> 1.1)
      omniauth (~> 2.0)
      omniauth-oauth2 (~> 1.7.1)
    omniauth-oauth (1.2.0)
      oauth
      omniauth (>= 1.0, < 3)
    omniauth-oauth2 (1.7.2)
      oauth2 (~> 1.4)
      omniauth (>= 1.9, < 3)
    omniauth-rails_csrf_protection (1.0.1)
      actionpack (>= 4.2)
      omniauth (~> 2.0)
    omniauth-twitter (1.4.0)
      omniauth-oauth (~> 1.1)
      rack
    origami (2.1.0)
      colorize (~> 0.7)
    orm_adapter (0.5.0)
    paper_trail (12.3.0)
      activerecord (>= 5.2)
      request_store (~> 1.1)
    parallel (1.22.1)
    parser (3.1.1.0)
      ast (~> 2.4.1)
    pg (1.1.4)
    pg_search (2.3.6)
      activerecord (>= 5.2)
      activesupport (>= 5.2)
    polyglot (0.3.5)
    premailer (1.15.0)
      addressable
      css_parser (>= 1.6.0)
      htmlentities (>= 4.0.0)
    premailer-rails (1.11.1)
      actionmailer (>= 3)
      premailer (~> 1.7, >= 1.7.9)
    progressbar (1.11.0)
    public_suffix (4.0.6)
    puma (5.6.4)
      nio4r (~> 2.0)
    puma_worker_killer (0.3.1)
      get_process_mem (~> 0.2)
      puma (>= 2.7)
    racc (1.6.0)
    rack (2.2.3)
    rack-attack (6.6.0)
      rack (>= 1.0, < 3)
    rack-cors (1.1.1)
      rack (>= 2.0.0)
    rack-protection (2.2.0)
      rack
    rack-proxy (0.7.2)
      rack
    rack-ssl-enforcer (0.2.9)
    rack-test (1.1.0)
      rack (>= 1.0, < 3)
    rack-timeout (0.6.0)
    rack_password (1.3)
    rails (6.0.4.7)
      actioncable (= 6.0.4.7)
      actionmailbox (= 6.0.4.7)
      actionmailer (= 6.0.4.7)
      actionpack (= 6.0.4.7)
      actiontext (= 6.0.4.7)
      actionview (= 6.0.4.7)
      activejob (= 6.0.4.7)
      activemodel (= 6.0.4.7)
      activerecord (= 6.0.4.7)
      activestorage (= 6.0.4.7)
      activesupport (= 6.0.4.7)
      bundler (>= 1.3.0)
      railties (= 6.0.4.7)
      sprockets-rails (>= 2.0.0)
    rails-controller-testing (1.0.5)
      actionpack (>= 5.0.1.rc1)
      actionview (>= 5.0.1.rc1)
      activesupport (>= 5.0.1.rc1)
    rails-dom-testing (2.0.3)
      activesupport (>= 4.2.0)
      nokogiri (>= 1.6)
    rails-html-sanitizer (1.4.2)
      loofah (~> 2.3)
    rails-i18n (6.0.0)
      i18n (>= 0.7, < 2)
      railties (>= 6.0.0, < 7)
    rails_12factor (0.0.3)
      rails_serve_static_assets
      rails_stdout_logging
    rails_autoscale_agent (0.11.0)
    rails_serve_static_assets (0.0.5)
    rails_stdout_logging (0.0.5)
    railties (6.0.4.7)
      actionpack (= 6.0.4.7)
      activesupport (= 6.0.4.7)
      method_source
      rake (>= 0.8.7)
      thor (>= 0.20.3, < 2.0)
    rainbow (3.1.1)
    rake (13.0.6)
    ransack (2.4.2)
      activerecord (>= 5.2.4)
      activesupport (>= 5.2.4)
      i18n
    rb-fsevent (0.11.1)
    rb-inotify (0.10.1)
      ffi (~> 1.0)
    rectify (0.13.0)
      activemodel (>= 4.1.0)
      activerecord (>= 4.1.0)
      activesupport (>= 4.1.0)
      virtus (~> 1.0.5)
      wisper (>= 1.6.1)
    redcarpet (3.5.1)
    redis (4.6.0)
    regexp_parser (2.2.1)
    request_store (1.5.1)
      rack (>= 1.4)
    responders (3.0.1)
      actionpack (>= 5.0)
      railties (>= 5.0)
    rexml (3.2.5)
    rspec (3.11.0)
      rspec-core (~> 3.11.0)
      rspec-expectations (~> 3.11.0)
      rspec-mocks (~> 3.11.0)
    rspec-cells (0.3.7)
      cells (>= 4.0.0, < 6.0.0)
      rspec-rails (< 6.0)
    rspec-core (3.11.0)
      rspec-support (~> 3.11.0)
    rspec-expectations (3.11.0)
      diff-lcs (>= 1.2.0, < 2.0)
      rspec-support (~> 3.11.0)
    rspec-html-matchers (0.9.4)
      nokogiri (~> 1)
      rspec (>= 3.0.0.a, < 4)
    rspec-mocks (3.11.1)
      diff-lcs (>= 1.2.0, < 2.0)
      rspec-support (~> 3.11.0)
    rspec-rails (4.1.2)
      actionpack (>= 4.2)
      activesupport (>= 4.2)
      railties (>= 4.2)
      rspec-core (~> 3.10)
      rspec-expectations (~> 3.10)
      rspec-mocks (~> 3.10)
      rspec-support (~> 3.10)
    rspec-retry (0.6.2)
      rspec-core (> 3.3)
    rspec-support (3.11.0)
    rspec_junit_formatter (0.3.0)
      rspec-core (>= 2, < 4, != 2.12.0)
    rubocop (0.92.0)
      parallel (~> 1.10)
      parser (>= 2.7.1.5)
      rainbow (>= 2.2.2, < 4.0)
      regexp_parser (>= 1.7)
      rexml
      rubocop-ast (>= 0.5.0)
      ruby-progressbar (~> 1.7)
      unicode-display_width (>= 1.4.0, < 2.0)
    rubocop-ast (1.16.0)
      parser (>= 3.1.1.0)
    rubocop-faker (1.1.0)
      faker (>= 2.12.0)
      rubocop (>= 0.82.0)
    rubocop-rails (2.9.1)
      activesupport (>= 4.2.0)
      rack (>= 1.1)
      rubocop (>= 0.90.0, < 2.0)
    rubocop-rspec (1.43.2)
      rubocop (~> 0.87)
    ruby-progressbar (1.11.0)
    ruby-vips (2.1.4)
      ffi (~> 1.12)
    ruby2_keywords (0.0.5)
    rubyXL (3.4.22)
      nokogiri (>= 1.10.8)
      rubyzip (>= 1.3.0)
    rubyzip (2.3.2)
    scout_apm (5.1.1)
      parser
    searchlight (4.1.0)
    selenium-webdriver (3.142.7)
      childprocess (>= 0.5, < 4.0)
      rubyzip (>= 1.2.2)
    semantic_range (3.0.0)
    sentry-rails (5.2.1)
      railties (>= 5.0)
      sentry-ruby-core (~> 5.2.1)
    sentry-ruby (5.2.1)
      concurrent-ruby (~> 1.0, >= 1.0.2)
      sentry-ruby-core (= 5.2.1)
    sentry-ruby-core (5.2.1)
      concurrent-ruby
    sentry-sidekiq (5.2.1)
      sentry-ruby-core (~> 5.2.1)
      sidekiq (>= 3.0)
    seven_zip_ruby (1.3.0)
    sidekiq (6.4.1)
      connection_pool (>= 2.2.2)
      rack (~> 2.0)
      redis (>= 4.2.0)
    simplecov (0.19.1)
      docile (~> 1.1)
      simplecov-html (~> 0.11)
    simplecov-cobertura (1.3.1)
      simplecov (~> 0.8)
    simplecov-html (0.12.3)
    smart_properties (1.17.0)
    social-share-button (1.2.4)
      coffee-rails
    spring (2.1.1)
    spring-commands-rspec (1.0.4)
      spring (>= 0.9.1)
    spring-watcher-listen (2.0.1)
      listen (>= 2.7, < 4.0)
      spring (>= 1.2, < 3.0)
    sprockets (4.0.3)
      concurrent-ruby (~> 1.0)
      rack (> 1, < 3)
    sprockets-rails (3.4.2)
      actionpack (>= 5.2)
      activesupport (>= 5.2)
      sprockets (>= 3.0.0)
    ssrf_filter (1.0.7)
    statsd-ruby (1.5.0)
    system_test_html_screenshots (0.2.0)
      actionpack (>= 5.2, < 6.1.a)
    temple (0.8.2)
    terminal-table (3.0.2)
      unicode-display_width (>= 1.1.1, < 3)
    thor (1.2.1)
    thread_safe (0.3.6)
    tilt (2.0.10)
    tomlrb (2.0.1)
    tzinfo (1.2.9)
      thread_safe (~> 0.1)
    uber (0.1.0)
    uglifier (4.2.0)
      execjs (>= 0.3.0, < 3)
    unicode-display_width (1.8.0)
    valid_email2 (2.3.1)
      activemodel (>= 3.2)
      mail (~> 2.5)
    virtus (1.0.5)
      axiom-types (~> 0.1)
      coercible (~> 1.0)
      descendants_tracker (~> 0.0, >= 0.0.3)
      equalizer (~> 0.0, >= 0.0.9)
    virtus-multiparams (0.1.1)
      virtus (~> 1.0)
    w3c_rspec_validators (0.3.0)
      rails
      rspec
      w3c_validators
    w3c_validators (1.3.7)
      json (>= 1.8)
      nokogiri (~> 1.6)
      rexml (~> 3.2)
    warden (1.2.9)
      rack (>= 2.0.9)
    webmock (3.14.0)
      addressable (>= 2.8.0)
      crack (>= 0.3.2)
      hashdiff (>= 0.4.0, < 2.0.0)
    webpacker (6.0.0.rc.5)
      activesupport (>= 5.2)
      rack-proxy (>= 0.6.1)
      railties (>= 5.2)
      semantic_range (>= 2.3.0)
    websocket-driver (0.7.5)
      websocket-extensions (>= 0.1.0)
    websocket-extensions (0.1.5)
    wicked (1.4.0)
      railties (>= 3.0.7)
    wicked_pdf (2.1.0)
      activesupport
    wisper (2.0.1)
    wisper-rspec (1.1.0)
    wkhtmltopdf-binary (0.12.6.5)
    xpath (3.2.0)
      nokogiri (~> 1.8)
    zeitwerk (2.5.4)

PLATFORMS
  ruby

DEPENDENCIES
  aws-sdk-s3
  barnes
  bootsnap
  byebug
  dalli
  database_cleaner
  decidim!
  decidim-census_sms!
  decidim-dataviz!
  decidim-dev!
  decidim-ephemeral_participation!
  decidim-initiatives!
  decidim-navigation_maps (~> 1.3.3)
  decidim-sortitions!
  decidim-stats!
  decidim-term_customizer!
  decidim-valid_auth!
  deface
  dotenv-rails
  faker (~> 2.14)
  fog-aws
  letter_opener_web
  listen
  lograge
  origami
  progressbar
  puma
  puma_worker_killer
  rack-ssl-enforcer
  rack-timeout
  rack_password
  rails_12factor
  rails_autoscale_agent
  rspec
  rubocop (~> 0.92.0)
  rubocop-faker
  scout_apm
  sentry-rails
  sentry-ruby
  sentry-sidekiq
  sidekiq
  spring
  spring-commands-rspec
  spring-watcher-listen
  uglifier
  virtus-multiparams
  wicked_pdf
  wkhtmltopdf-binary

RUBY VERSION
   ruby 2.7.5p203

BUNDLED WITH
   2.2.19
