GIT
  remote: https://github.com/AjuntamentdeBarcelona/decidim-module-kids
  revision: df16cf4de13c306348761d850d19815c8221874e
  specs:
    decidim-kids (0.2.0)
      decidim-core (>= 0.28, < 0.29)
      decidim-system (>= 0.28, < 0.29)
      decidim-verifications (>= 0.28, < 0.29)
      deface (>= 1.5)

GIT
  remote: https://github.com/Platoniq/decidim-module-navigation_maps
  revision: 7fd50e1368bae4c7955c0ba8ec5ee395273a5329
  specs:
    decidim-navigation_maps (1.5.0)
      decidim-admin (>= 0.28, < 0.29)
      decidim-core (>= 0.28, < 0.29)

GIT
  remote: https://github.com/decidim-ice/decidim-module-decidim_awesome
  revision: 1e0f5ac5c80b68a3527f5b23f8520f4484ec6b6a
  branch: develop
  specs:
    decidim-decidim_awesome (0.11.0)
      decidim-admin (>= 0.28.0, < 0.29)
      decidim-core (>= 0.28.0, < 0.29)
      deface (>= 1.5)
      sassc (~> 2.3)

GIT
  remote: https://github.com/mainio/decidim-module-term_customizer
  revision: 03e6c98e85a00fe47f8db2726f1a1a98e808efda
  specs:
    decidim-term_customizer (0.28.0)
      decidim-admin (~> 0.28.0)
      decidim-core (~> 0.28.0)

PATH
  remote: decidim-census_sms
  specs:
    decidim-census_sms (0.0.3)
      decidim-core (~> 0.28.0)

PATH
  remote: decidim-dataviz
  specs:
    decidim-dataviz (0.0.3)
      decidim-core (~> 0.28.0)

PATH
  remote: decidim-ephemeral_participation
  specs:
    decidim-ephemeral_participation (0.0.4)
      decidim-verifications (~> 0.28.0)

PATH
  remote: decidim-stats
  specs:
    decidim-stats (0.0.3)
      decidim-comments (~> 0.28.0)
      decidim-core (~> 0.28.0)
      decidim-proposals (~> 0.28.0)

PATH
  remote: decidim-valid_auth
  specs:
    decidim-valid_auth (0.0.3)
      decidim-verifications (~> 0.28.0)

GEM
  remote: https://rubygems.org/
  specs:
    actioncable (6.1.7.8)
      actionpack (= 6.1.7.8)
      activesupport (= 6.1.7.8)
      nio4r (~> 2.0)
      websocket-driver (>= 0.6.1)
    actionmailbox (6.1.7.8)
      actionpack (= 6.1.7.8)
      activejob (= 6.1.7.8)
      activerecord (= 6.1.7.8)
      activestorage (= 6.1.7.8)
      activesupport (= 6.1.7.8)
      mail (>= 2.7.1)
    actionmailer (6.1.7.8)
      actionpack (= 6.1.7.8)
      actionview (= 6.1.7.8)
      activejob (= 6.1.7.8)
      activesupport (= 6.1.7.8)
      mail (~> 2.5, >= 2.5.4)
      rails-dom-testing (~> 2.0)
    actionpack (6.1.7.8)
      actionview (= 6.1.7.8)
      activesupport (= 6.1.7.8)
      rack (~> 2.0, >= 2.0.9)
      rack-test (>= 0.6.3)
      rails-dom-testing (~> 2.0)
      rails-html-sanitizer (~> 1.0, >= 1.2.0)
    actiontext (6.1.7.8)
      actionpack (= 6.1.7.8)
      activerecord (= 6.1.7.8)
      activestorage (= 6.1.7.8)
      activesupport (= 6.1.7.8)
      nokogiri (>= 1.8.5)
    actionview (6.1.7.8)
      activesupport (= 6.1.7.8)
      builder (~> 3.1)
      erubi (~> 1.4)
      rails-dom-testing (~> 2.0)
      rails-html-sanitizer (~> 1.1, >= 1.2.0)
    active_link_to (1.0.5)
      actionpack
      addressable
    activejob (6.1.7.8)
      activesupport (= 6.1.7.8)
      globalid (>= 0.3.6)
    activemodel (6.1.7.8)
      activesupport (= 6.1.7.8)
    activerecord (6.1.7.8)
      activemodel (= 6.1.7.8)
      activesupport (= 6.1.7.8)
    activestorage (6.1.7.8)
      actionpack (= 6.1.7.8)
      activejob (= 6.1.7.8)
      activerecord (= 6.1.7.8)
      activesupport (= 6.1.7.8)
      marcel (~> 1.0)
      mini_mime (>= 1.1.0)
    activesupport (6.1.7.8)
      concurrent-ruby (~> 1.0, >= 1.0.2)
      i18n (>= 1.6, < 2)
      minitest (>= 5.1)
      tzinfo (~> 2.0)
      zeitwerk (~> 2.3)
    acts_as_list (1.1.0)
      activerecord (>= 4.2)
    addressable (2.8.6)
      public_suffix (>= 2.0.2, < 6.0)
    ast (2.4.2)
    aws-eventstream (1.3.0)
    aws-partitions (1.896.0)
    aws-sdk-core (3.191.3)
      aws-eventstream (~> 1, >= 1.3.0)
      aws-partitions (~> 1, >= 1.651.0)
      aws-sigv4 (~> 1.8)
      jmespath (~> 1, >= 1.6.1)
    aws-sdk-kms (1.77.0)
      aws-sdk-core (~> 3, >= 3.191.0)
      aws-sigv4 (~> 1.1)
    aws-sdk-s3 (1.143.0)
      aws-sdk-core (~> 3, >= 3.191.0)
      aws-sdk-kms (~> 1)
      aws-sigv4 (~> 1.8)
    aws-sigv4 (1.8.0)
      aws-eventstream (~> 1, >= 1.0.2)
    barnes (0.0.9)
      multi_json (~> 1)
      statsd-ruby (~> 1.1)
    base64 (0.2.0)
    batch-loader (1.5.0)
    bcrypt (3.1.20)
    better_html (2.0.2)
      actionview (>= 6.0)
      activesupport (>= 6.0)
      ast (~> 2.0)
      erubi (~> 1.4)
      parser (>= 2.4)
      smart_properties
    bigdecimal (3.1.6)
    bindex (0.8.1)
    bootsnap (1.18.3)
      msgpack (~> 1.2)
    browser (2.7.1)
    builder (3.2.4)
    bullet (7.1.6)
      activesupport (>= 3.0.0)
      uniform_notifier (~> 1.11)
    byebug (11.1.3)
    capybara (3.40.0)
      addressable
      matrix
      mini_mime (>= 0.1.3)
      nokogiri (~> 1.11)
      rack (>= 1.6.0)
      rack-test (>= 0.6.3)
      regexp_parser (>= 1.5, < 3.0)
      xpath (~> 3.2)
    carrierwave (2.2.5)
      activemodel (>= 5.0.0)
      activesupport (>= 5.0.0)
      addressable (~> 2.6)
      image_processing (~> 1.1)
      marcel (~> 1.0.0)
      mini_mime (>= 0.1.3)
      ssrf_filter (~> 1.0)
    cells (4.1.7)
      declarative-builder (< 0.2.0)
      declarative-option (< 0.2.0)
      tilt (>= 1.4, < 3)
      uber (< 0.2.0)
    cells-erb (0.1.0)
      cells (~> 4.0)
      erbse (>= 0.1.1)
    cells-rails (0.1.5)
      actionpack (>= 5.0)
      cells (>= 4.1.6, < 5.0.0)
    charlock_holmes (0.7.7)
    chef-utils (18.1.0)
      concurrent-ruby
    cmdparse (3.0.7)
    codecov (0.2.12)
      json
      simplecov
    colorize (0.8.1)
    commonmarker (0.23.10)
    concurrent-ruby (1.2.3)
    connection_pool (2.4.1)
    crack (1.0.0)
      bigdecimal
      rexml
    crass (1.0.6)
    css_parser (1.16.0)
      addressable
    dalli (3.2.8)
    database_cleaner (2.0.2)
      database_cleaner-active_record (>= 2, < 3)
    database_cleaner-active_record (2.1.0)
      activerecord (>= 5.a)
      database_cleaner-core (~> 2.0.0)
    database_cleaner-core (2.0.1)
    date (3.3.4)
    date_validator (0.12.0)
      activemodel (>= 3)
      activesupport (>= 3)
    decidim (0.28.2)
      decidim-accountability (= 0.28.2)
      decidim-admin (= 0.28.2)
      decidim-api (= 0.28.2)
      decidim-assemblies (= 0.28.2)
      decidim-blogs (= 0.28.2)
      decidim-budgets (= 0.28.2)
      decidim-comments (= 0.28.2)
      decidim-core (= 0.28.2)
      decidim-debates (= 0.28.2)
      decidim-forms (= 0.28.2)
      decidim-generators (= 0.28.2)
      decidim-meetings (= 0.28.2)
      decidim-pages (= 0.28.2)
      decidim-participatory_processes (= 0.28.2)
      decidim-proposals (= 0.28.2)
      decidim-sortitions (= 0.28.2)
      decidim-surveys (= 0.28.2)
      decidim-system (= 0.28.2)
      decidim-templates (= 0.28.2)
      decidim-verifications (= 0.28.2)
    decidim-accountability (0.28.2)
      decidim-comments (= 0.28.2)
      decidim-core (= 0.28.2)
    decidim-admin (0.28.2)
      active_link_to (~> 1.0)
      decidim-core (= 0.28.2)
      devise (~> 4.7)
      devise-i18n (~> 1.2)
      devise_invitable (~> 2.0, >= 2.0.9)
    decidim-api (0.28.2)
      commonmarker (~> 0.23.0, >= 0.23.9)
      decidim-core (= 0.28.2)
      graphql (~> 2.0.0)
      graphql-docs (~> 3.0.1)
      rack-cors (~> 1.0)
    decidim-assemblies (0.28.2)
      decidim-core (= 0.28.2)
    decidim-blogs (0.28.2)
      decidim-admin (= 0.28.2)
      decidim-comments (= 0.28.2)
      decidim-core (= 0.28.2)
    decidim-budgets (0.28.2)
      decidim-comments (= 0.28.2)
      decidim-core (= 0.28.2)
    decidim-comments (0.28.2)
      decidim-core (= 0.28.2)
      redcarpet (~> 3.5, >= 3.5.1)
    decidim-core (0.28.2)
      active_link_to (~> 1.0)
      acts_as_list (~> 1.0)
      batch-loader (~> 1.2)
      browser (~> 2.7)
      carrierwave (~> 2.2.5, >= 2.2.5)
      cells-erb (~> 0.1.0)
      cells-rails (~> 0.1.3)
      charlock_holmes (~> 0.7)
      date_validator (~> 0.12.0)
      devise (~> 4.7)
      devise-i18n (~> 1.2, < 1.11.1)
      diffy (~> 3.3)
      doorkeeper (~> 5.6, >= 5.6.6)
      doorkeeper-i18n (~> 4.0)
      file_validators (~> 3.0)
      fog-local (~> 0.6)
      foundation_rails_helper (~> 4.0)
      geocoder (~> 1.8)
      hashdiff (>= 0.4.0, < 2.0.0)
      invisible_captcha (~> 0.12)
      kaminari (~> 1.2, >= 1.2.1)
      loofah (~> 2.19, >= 2.19.1)
      mime-types (>= 1.16, < 4.0)
      mini_magick (~> 4.9)
      net-smtp (~> 0.3.1)
      omniauth (~> 2.0)
      omniauth-facebook (~> 5.0)
      omniauth-google-oauth2 (~> 1.0)
      omniauth-rails_csrf_protection (~> 1.0)
      omniauth-twitter (~> 1.4)
      paper_trail (~> 12.0)
      pg (~> 1.4.0, < 2)
      pg_search (~> 2.2)
      premailer-rails (~> 1.10)
      psych (~> 4.0)
      rack (~> 2.2, >= 2.2.6.4)
      rack-attack (~> 6.0)
      rails (~> 6.1.7, >= 6.1.7.4)
      rails-i18n (~> 6.0)
      ransack (~> 3.2.1)
      redis (~> 4.1)
      request_store (~> 1.5.0)
      rubyXL (~> 3.4)
      rubyzip (~> 2.0)
      seven_zip_ruby (~> 1.3)
      shakapacker (~> 7.1.0)
      valid_email2 (~> 4.0)
      web-push (~> 3.0)
      wisper (~> 2.0)
    decidim-debates (0.28.2)
      decidim-comments (= 0.28.2)
      decidim-core (= 0.28.2)
    decidim-dev (0.28.2)
      bullet (~> 7.0)
      byebug (~> 11.0)
      capybara (~> 3.39)
      decidim (= 0.28.2)
      erb_lint (~> 0.4.0)
      factory_bot_rails (~> 6.2)
      faker (~> 3.2)
      i18n-tasks (~> 1.0)
      nokogiri (~> 1.14, >= 1.14.3)
      parallel_tests (~> 4.2)
      puma (~> 6.2, >= 6.3.1)
      rails-controller-testing (~> 1.0)
      rspec (~> 3.12)
      rspec-cells (~> 0.3.7)
      rspec-html-matchers (~> 0.10)
      rspec-rails (~> 6.0)
      rspec-retry (~> 0.6.2)
      rspec_junit_formatter (~> 0.6.0)
      rubocop (~> 1.50.0)
      rubocop-faker (~> 1.1)
      rubocop-rails (~> 2.19)
      rubocop-rspec (~> 2.20)
      selenium-webdriver (~> 4.9)
      simplecov (~> 0.22.0)
      simplecov-cobertura (~> 2.1.0)
      w3c_rspec_validators (~> 0.3.0)
      webmock (~> 3.18)
      wisper-rspec (~> 1.0)
    decidim-forms (0.28.2)
      decidim-core (= 0.28.2)
      wicked_pdf (~> 2.1)
      wkhtmltopdf-binary (~> 0.12)
    decidim-generators (0.28.2)
      decidim-core (= 0.28.2)
    decidim-initiatives (0.28.2)
      decidim-admin (= 0.28.2)
      decidim-comments (= 0.28.2)
      decidim-core (= 0.28.2)
      decidim-verifications (= 0.28.2)
      hexapdf (~> 0.32.0)
      wicked_pdf (~> 2.1)
      wkhtmltopdf-binary (~> 0.12)
    decidim-meetings (0.28.2)
      decidim-core (= 0.28.2)
      decidim-forms (= 0.28.2)
      icalendar (~> 2.5)
    decidim-pages (0.28.2)
      decidim-core (= 0.28.2)
    decidim-participatory_processes (0.28.2)
      decidim-core (= 0.28.2)
    decidim-proposals (0.28.2)
      decidim-comments (= 0.28.2)
      decidim-core (= 0.28.2)
      doc2text (~> 0.4.6)
      redcarpet (~> 3.5, >= 3.5.1)
    decidim-sortitions (0.28.2)
      decidim-admin (= 0.28.2)
      decidim-comments (= 0.28.2)
      decidim-core (= 0.28.2)
      decidim-proposals (= 0.28.2)
    decidim-surveys (0.28.2)
      decidim-core (= 0.28.2)
      decidim-forms (= 0.28.2)
    decidim-system (0.28.2)
      active_link_to (~> 1.0)
      decidim-core (= 0.28.2)
      devise (~> 4.7)
      devise-i18n (~> 1.2)
      devise_invitable (~> 2.0, >= 2.0.9)
    decidim-templates (0.28.2)
      decidim-core (= 0.28.2)
      decidim-forms (= 0.28.2)
    decidim-verifications (0.28.2)
      decidim-core (= 0.28.2)
    declarative-builder (0.1.0)
      declarative-option (< 0.2.0)
    declarative-option (0.1.0)
    deface (1.9.0)
      actionview (>= 5.2)
      nokogiri (>= 1.6)
      polyglot
      railties (>= 5.2)
      rainbow (>= 2.1.0)
    devise (4.9.4)
      bcrypt (~> 3.0)
      orm_adapter (~> 0.1)
      railties (>= 4.1.0)
      responders
      warden (~> 1.2.3)
    devise-i18n (1.11.0)
      devise (>= 4.9.0)
    devise_invitable (2.0.9)
      actionmailer (>= 5.0)
      devise (>= 4.6)
    diff-lcs (1.5.1)
    diffy (3.4.2)
    doc2text (0.4.7)
      nokogiri (>= 1.13.2, < 1.17.0)
      rubyzip (~> 2.3.0)
    docile (1.4.0)
    doorkeeper (5.6.9)
      railties (>= 5)
    doorkeeper-i18n (4.0.1)
    dotenv (3.1.0)
    dotenv-rails (3.1.0)
      dotenv (= 3.1.0)
      railties (>= 6.1)
    erb_lint (0.4.0)
      activesupport
      better_html (>= 2.0.1)
      parser (>= 2.7.1.4)
      rainbow
      rubocop
      smart_properties
    erbse (0.1.4)
      temple
    erubi (1.12.0)
    escape_utils (1.2.2)
    excon (0.109.0)
    extended-markdown-filter (0.7.0)
      html-pipeline (~> 2.9)
    factory_bot (6.4.6)
      activesupport (>= 5.0.0)
    factory_bot_rails (6.4.3)
      factory_bot (~> 6.4)
      railties (>= 5.0.0)
    faker (3.2.3)
      i18n (>= 1.8.11, < 2)
    faraday (2.9.0)
      faraday-net_http (>= 2.0, < 3.2)
    faraday-net_http (3.1.0)
      net-http
    ffi (1.16.3)
    file_validators (3.0.0)
      activemodel (>= 3.2)
      mime-types (>= 1.0)
    fog-core (2.4.0)
      builder
      excon (~> 0.71)
      formatador (>= 0.2, < 2.0)
      mime-types
    fog-local (0.8.0)
      fog-core (>= 1.27, < 3.0)
    foreman (0.87.2)
    formatador (1.1.0)
    foundation_rails_helper (4.0.1)
      actionpack (>= 4.1, < 7.1)
      activemodel (>= 4.1, < 7.1)
      activesupport (>= 4.1, < 7.1)
      railties (>= 4.1, < 7.1)
    gemoji (3.0.1)
    geocoder (1.8.2)
    geom2d (0.4.1)
    get_process_mem (0.2.7)
      ffi (~> 1.0)
    globalid (1.2.1)
      activesupport (>= 6.1)
    graphql (2.0.29)
      base64
    graphql-docs (3.0.1)
      commonmarker (~> 0.16)
      escape_utils (~> 1.2.2)
      extended-markdown-filter (~> 0.4)
      gemoji (~> 3.0)
      graphql (~> 2.0)
      html-pipeline (~> 2.9)
      sass (~> 3.4)
    hashdiff (1.1.0)
    hashie (5.0.0)
    hexapdf (0.32.2)
      cmdparse (~> 3.0, >= 3.0.3)
      geom2d (~> 0.3)
      openssl (>= 2.2.1)
    highline (3.0.1)
    html-pipeline (2.14.3)
      activesupport (>= 2)
      nokogiri (>= 1.4)
    htmlentities (4.3.4)
    i18n (1.14.4)
      concurrent-ruby (~> 1.0)
    i18n-tasks (1.0.13)
      activesupport (>= 4.0.2)
      ast (>= 2.1.0)
      better_html (>= 1.0, < 3.0)
      erubi
      highline (>= 2.0.0)
      i18n
      parser (>= 3.2.2.1)
      rails-i18n
      rainbow (>= 2.2.2, < 4.0)
      terminal-table (>= 1.5.1)
    icalendar (2.10.1)
      ice_cube (~> 0.16)
    ice_cube (0.16.4)
    image_processing (1.12.2)
      mini_magick (>= 4.9.5, < 5)
      ruby-vips (>= 2.0.17, < 3)
    invisible_captcha (0.13.0)
      rails (>= 3.2.0)
    jmespath (1.6.2)
    json (2.7.1)
    jwt (2.8.1)
      base64
    kaminari (1.2.2)
      activesupport (>= 4.1.0)
      kaminari-actionview (= 1.2.2)
      kaminari-activerecord (= 1.2.2)
      kaminari-core (= 1.2.2)
    kaminari-actionview (1.2.2)
      actionview
      kaminari-core (= 1.2.2)
    kaminari-activerecord (1.2.2)
      activerecord
      kaminari-core (= 1.2.2)
    kaminari-core (1.2.2)
    kramdown (2.4.0)
      rexml
    kramdown-parser-gfm (1.1.0)
      kramdown (~> 2.0)
    launchy (2.5.2)
      addressable (~> 2.8)
    letter_opener (1.9.0)
      launchy (>= 2.2, < 3)
    letter_opener_web (2.0.0)
      actionmailer (>= 5.2)
      letter_opener (~> 1.7)
      railties (>= 5.2)
      rexml
    listen (3.9.0)
      rb-fsevent (~> 0.10, >= 0.10.3)
      rb-inotify (~> 0.9, >= 0.9.10)
    lograge (0.14.0)
      actionpack (>= 4)
      activesupport (>= 4)
      railties (>= 4)
      request_store (~> 1.0)
    loofah (2.22.0)
      crass (~> 1.0.2)
      nokogiri (>= 1.12.0)
    mail (2.8.1)
      mini_mime (>= 0.1.1)
      net-imap
      net-pop
      net-smtp
    marcel (1.0.4)
    matrix (0.4.2)
    mdl (0.12.0)
      kramdown (~> 2.3)
      kramdown-parser-gfm (~> 1.1)
      mixlib-cli (~> 2.1, >= 2.1.1)
      mixlib-config (>= 2.2.1, < 4)
      mixlib-shellout
    method_source (1.0.0)
    mime-types (3.5.2)
      mime-types-data (~> 3.2015)
    mime-types-data (3.2024.0305)
    mini_magick (4.12.0)
    mini_mime (1.1.5)
    minitest (5.22.3)
    mixlib-cli (2.1.8)
    mixlib-config (3.0.27)
      tomlrb
    mixlib-shellout (3.2.7)
      chef-utils
    msgpack (1.7.2)
    multi_json (1.15.0)
    multi_xml (0.6.0)
    net-http (0.4.1)
      uri
    net-imap (0.4.10)
      date
      net-protocol
    net-pop (0.1.2)
      net-protocol
    net-protocol (0.2.2)
      timeout
    net-smtp (0.3.4)
      net-protocol
    nio4r (2.7.0)
    nokogiri (1.16.2-aarch64-linux)
      racc (~> 1.4)
    nokogiri (1.16.2-arm64-darwin)
      racc (~> 1.4)
    nokogiri (1.16.2-x86_64-linux)
      racc (~> 1.4)
    oauth (1.1.0)
      oauth-tty (~> 1.0, >= 1.0.1)
      snaky_hash (~> 2.0)
      version_gem (~> 1.1)
    oauth-tty (1.0.5)
      version_gem (~> 1.1, >= 1.1.1)
    oauth2 (2.0.9)
      faraday (>= 0.17.3, < 3.0)
      jwt (>= 1.0, < 3.0)
      multi_xml (~> 0.5)
      rack (>= 1.2, < 4)
      snaky_hash (~> 2.0)
      version_gem (~> 1.1)
    omniauth (2.1.2)
      hashie (>= 3.4.6)
      rack (>= 2.2.3)
      rack-protection
    omniauth-facebook (5.0.0)
      omniauth-oauth2 (~> 1.2)
    omniauth-google-oauth2 (1.1.1)
      jwt (>= 2.0)
      oauth2 (~> 2.0.6)
      omniauth (~> 2.0)
      omniauth-oauth2 (~> 1.8.0)
    omniauth-oauth (1.2.0)
      oauth
      omniauth (>= 1.0, < 3)
    omniauth-oauth2 (1.8.0)
      oauth2 (>= 1.4, < 3)
      omniauth (~> 2.0)
    omniauth-rails_csrf_protection (1.0.1)
      actionpack (>= 4.2)
      omniauth (~> 2.0)
    omniauth-twitter (1.4.0)
      omniauth-oauth (~> 1.1)
      rack
    openssl (3.2.0)
    origami (2.1.0)
      colorize (~> 0.7)
    orm_adapter (0.5.0)
    paper_trail (12.3.0)
      activerecord (>= 5.2)
      request_store (~> 1.1)
    parallel (1.24.0)
    parallel_tests (4.5.2)
      parallel
    parser (3.3.0.5)
      ast (~> 2.4.1)
      racc
    pg (1.4.6)
    pg_search (2.3.6)
      activerecord (>= 5.2)
      activesupport (>= 5.2)
    polyglot (0.3.5)
    premailer (1.23.0)
      addressable
      css_parser (>= 1.12.0)
      htmlentities (>= 4.0.0)
    premailer-rails (1.12.0)
      actionmailer (>= 3)
      net-smtp
      premailer (~> 1.7, >= 1.7.9)
    progressbar (1.13.0)
    psych (4.0.6)
      stringio
    public_suffix (5.0.4)
    puma (6.4.2)
      nio4r (~> 2.0)
    puma_worker_killer (0.3.1)
      get_process_mem (~> 0.2)
      puma (>= 2.7)
    racc (1.7.3)
    rack (2.2.8.1)
    rack-attack (6.7.0)
      rack (>= 1.0, < 4)
    rack-cors (1.1.1)
      rack (>= 2.0.0)
    rack-protection (3.2.0)
      base64 (>= 0.1.0)
      rack (~> 2.2, >= 2.2.4)
    rack-proxy (0.7.7)
      rack
    rack-ssl-enforcer (0.2.9)
    rack-test (2.1.0)
      rack (>= 1.3)
    rack-timeout (0.6.3)
    rack_password (1.3)
    rails (6.1.7.8)
      actioncable (= 6.1.7.8)
      actionmailbox (= 6.1.7.8)
      actionmailer (= 6.1.7.8)
      actionpack (= 6.1.7.8)
      actiontext (= 6.1.7.8)
      actionview (= 6.1.7.8)
      activejob (= 6.1.7.8)
      activemodel (= 6.1.7.8)
      activerecord (= 6.1.7.8)
      activestorage (= 6.1.7.8)
      activesupport (= 6.1.7.8)
      bundler (>= 1.15.0)
      railties (= 6.1.7.8)
      sprockets-rails (>= 2.0.0)
    rails-controller-testing (1.0.5)
      actionpack (>= 5.0.1.rc1)
      actionview (>= 5.0.1.rc1)
      activesupport (>= 5.0.1.rc1)
    rails-dom-testing (2.2.0)
      activesupport (>= 5.0.0)
      minitest
      nokogiri (>= 1.6)
    rails-html-sanitizer (1.6.0)
      loofah (~> 2.21)
      nokogiri (~> 1.14)
    rails-i18n (6.0.0)
      i18n (>= 0.7, < 2)
      railties (>= 6.0.0, < 7)
    rails_12factor (0.0.3)
      rails_serve_static_assets
      rails_stdout_logging
    rails_autoscale_agent (0.12.0)
    rails_serve_static_assets (0.0.5)
    rails_stdout_logging (0.0.5)
    railties (6.1.7.8)
      actionpack (= 6.1.7.8)
      activesupport (= 6.1.7.8)
      method_source
      rake (>= 12.2)
      thor (~> 1.0)
    rainbow (3.1.1)
    rake (13.1.0)
    ransack (3.2.1)
      activerecord (>= 6.1.5)
      activesupport (>= 6.1.5)
      i18n
    rb-fsevent (0.11.2)
    rb-inotify (0.10.1)
      ffi (~> 1.0)
    redcarpet (3.6.0)
    redis (4.8.1)
    redis-client (0.21.0)
      connection_pool
    regexp_parser (2.9.0)
    request_store (1.5.1)
      rack (>= 1.4)
    responders (3.1.1)
      actionpack (>= 5.2)
      railties (>= 5.2)
    rexml (3.2.6)
    rspec (3.13.0)
      rspec-core (~> 3.13.0)
      rspec-expectations (~> 3.13.0)
      rspec-mocks (~> 3.13.0)
    rspec-cells (0.3.9)
      cells (>= 4.0.0, < 6.0.0)
      rspec-rails (>= 3.0.0, < 6.2.0)
    rspec-core (3.13.0)
      rspec-support (~> 3.13.0)
    rspec-expectations (3.13.0)
      diff-lcs (>= 1.2.0, < 2.0)
      rspec-support (~> 3.13.0)
    rspec-html-matchers (0.10.0)
      nokogiri (~> 1)
      rspec (>= 3.0.0.a)
    rspec-mocks (3.13.0)
      diff-lcs (>= 1.2.0, < 2.0)
      rspec-support (~> 3.13.0)
    rspec-rails (6.1.1)
      actionpack (>= 6.1)
      activesupport (>= 6.1)
      railties (>= 6.1)
      rspec-core (~> 3.12)
      rspec-expectations (~> 3.12)
      rspec-mocks (~> 3.12)
      rspec-support (~> 3.12)
    rspec-retry (0.6.2)
      rspec-core (> 3.3)
    rspec-support (3.13.1)
    rspec_junit_formatter (0.6.0)
      rspec-core (>= 2, < 4, != 2.12.0)
    rubocop (1.50.2)
      json (~> 2.3)
      parallel (~> 1.10)
      parser (>= 3.2.0.0)
      rainbow (>= 2.2.2, < 4.0)
      regexp_parser (>= 1.8, < 3.0)
      rexml (>= 3.2.5, < 4.0)
      rubocop-ast (>= 1.28.0, < 2.0)
      ruby-progressbar (~> 1.7)
      unicode-display_width (>= 2.4.0, < 3.0)
    rubocop-ast (1.31.2)
      parser (>= 3.3.0.4)
    rubocop-capybara (2.20.0)
      rubocop (~> 1.41)
    rubocop-factory_bot (2.25.1)
      rubocop (~> 1.41)
    rubocop-faker (1.1.0)
      faker (>= 2.12.0)
      rubocop (>= 0.82.0)
    rubocop-rails (2.24.0)
      activesupport (>= 4.2.0)
      rack (>= 1.1)
      rubocop (>= 1.33.0, < 2.0)
      rubocop-ast (>= 1.31.1, < 2.0)
    rubocop-rspec (2.27.1)
      rubocop (~> 1.40)
      rubocop-capybara (~> 2.17)
      rubocop-factory_bot (~> 2.22)
    ruby-progressbar (1.13.0)
    ruby-vips (2.2.1)
      ffi (~> 1.12)
    rubyXL (3.4.25)
      nokogiri (>= 1.10.8)
      rubyzip (>= 1.3.0)
    rubyzip (2.3.2)
    sass (3.7.4)
      sass-listen (~> 4.0.0)
    sass-listen (4.0.0)
      rb-fsevent (~> 0.9, >= 0.9.4)
      rb-inotify (~> 0.9, >= 0.9.7)
    sassc (2.4.0)
      ffi (~> 1.9)
    scout_apm (5.3.7)
      parser
    selenium-webdriver (4.18.1)
      base64 (~> 0.2)
      rexml (~> 3.2, >= 3.2.5)
      rubyzip (>= 1.2.2, < 3.0)
      websocket (~> 1.0)
    semantic_range (3.0.0)
    sentry-rails (5.16.1)
      railties (>= 5.0)
      sentry-ruby (~> 5.16.1)
    sentry-ruby (5.16.1)
      concurrent-ruby (~> 1.0, >= 1.0.2)
    sentry-sidekiq (5.16.1)
      sentry-ruby (~> 5.16.1)
      sidekiq (>= 3.0)
    seven_zip_ruby (1.3.0)
    shakapacker (7.1.0)
      activesupport (>= 5.2)
      rack-proxy (>= 0.6.1)
      railties (>= 5.2)
      semantic_range (>= 2.3.0)
    sidekiq (7.2.2)
      concurrent-ruby (< 2)
      connection_pool (>= 2.3.0)
      rack (>= 2.2.4)
      redis-client (>= 0.19.0)
    simplecov (0.22.0)
      docile (~> 1.1)
      simplecov-html (~> 0.11)
      simplecov_json_formatter (~> 0.1)
    simplecov-cobertura (2.1.0)
      rexml
      simplecov (~> 0.19)
    simplecov-html (0.12.3)
    simplecov_json_formatter (0.1.4)
    smart_properties (1.17.0)
    snaky_hash (2.0.1)
      hashie
      version_gem (~> 1.1, >= 1.1.1)
    spring (4.1.3)
    spring-commands-rspec (1.0.4)
      spring (>= 0.9.1)
    spring-watcher-listen (2.1.0)
      listen (>= 2.7, < 4.0)
      spring (>= 4)
    sprockets (4.2.1)
      concurrent-ruby (~> 1.0)
      rack (>= 2.2.4, < 4)
    sprockets-rails (3.4.2)
      actionpack (>= 5.2)
      activesupport (>= 5.2)
      sprockets (>= 3.0.0)
    ssrf_filter (1.1.2)
    stackprof (0.2.26)
    statsd-ruby (1.5.0)
    stringio (3.1.0)
    temple (0.10.3)
    terminal-table (3.0.2)
      unicode-display_width (>= 1.1.1, < 3)
    thor (1.3.1)
    tilt (2.3.0)
    timeout (0.4.1)
    tomlrb (2.0.3)
    tzinfo (2.0.6)
      concurrent-ruby (~> 1.0)
    uber (0.1.0)
    unicode-display_width (2.5.0)
    uniform_notifier (1.16.0)
    uri (0.13.0)
    valid_email2 (4.0.6)
      activemodel (>= 3.2)
      mail (~> 2.5)
    version_gem (1.1.3)
    w3c_rspec_validators (0.3.0)
      rails
      rspec
      w3c_validators
    w3c_validators (1.3.7)
      json (>= 1.8)
      nokogiri (~> 1.6)
      rexml (~> 3.2)
    warden (1.2.9)
      rack (>= 2.0.9)
    web-console (4.2.1)
      actionview (>= 6.0.0)
      activemodel (>= 6.0.0)
      bindex (>= 0.4.0)
      railties (>= 6.0.0)
    web-push (3.0.1)
      jwt (~> 2.0)
      openssl (~> 3.0)
    webmock (3.23.0)
      addressable (>= 2.8.0)
      crack (>= 0.3.2)
      hashdiff (>= 0.4.0, < 2.0.0)
    websocket (1.2.10)
    websocket-driver (0.7.6)
      websocket-extensions (>= 0.1.0)
    websocket-extensions (0.1.5)
    wicked_pdf (2.7.0)
      activesupport
    wisper (2.0.1)
    wisper-rspec (1.1.0)
    wkhtmltopdf-binary (0.12.6.6)
    xpath (3.2.0)
      nokogiri (~> 1.8)
    zeitwerk (2.6.13)

PLATFORMS
  aarch64-linux
  arm64-darwin-21
  x86_64-linux

DEPENDENCIES
  aws-sdk-s3
  barnes
  bootsnap
  byebug
  codecov
  dalli
  database_cleaner
  decidim (= 0.28.2)
  decidim-census_sms!
  decidim-dataviz!
  decidim-decidim_awesome!
  decidim-dev (= 0.28.2)
  decidim-ephemeral_participation!
  decidim-initiatives (= 0.28.2)
  decidim-kids!
  decidim-navigation_maps!
  decidim-sortitions (= 0.28.2)
  decidim-stats!
  decidim-term_customizer!
  decidim-valid_auth!
  dotenv-rails
  faker
  foreman
  letter_opener_web
  listen
  lograge
  matrix
  mdl
  origami
  progressbar
  puma
  puma_worker_killer
  rack-ssl-enforcer
  rack-timeout
  rack_password
  rails_12factor
  rails_autoscale_agent
  rexml
  rspec
  rubocop
  rubocop-faker
  scout_apm
  sentry-rails
  sentry-ruby
  sentry-sidekiq
  sidekiq
  spring
  spring-commands-rspec
  spring-watcher-listen
  stackprof
  web-console
  wicked_pdf (< 2.8)
  wkhtmltopdf-binary

RUBY VERSION
   ruby 3.1.1p18

BUNDLED WITH
   2.4.14
