GIT
  remote: https://github.com/AjuntamentdeBarcelona/decidim.git
  revision: 3eaacdb41acb91fffd1889835d6b0116fe911d16
  specs:
    decidim (0.0.1)
      decidim-admin (= 0.0.1)
      decidim-api (= 0.0.1)
      decidim-comments (= 0.0.1)
      decidim-core (= 0.0.1)
      decidim-meetings (= 0.0.1)
      decidim-pages (= 0.0.1)
      decidim-proposals (= 0.0.1)
      decidim-system (= 0.0.1)
      rails (~> 5.0.0, >= 5.0.0.1)
      rails-i18n (~> 5.0.0, >= 5.0.0.1)
    decidim-admin (0.0.1)
      active_link_to (~> 1.0.0)
      cancancan (~> 1.15.0)
      carrierwave (~> 1.0.0.rc)
      decidim-core (= 0.0.1)
      devise (~> 4.2)
      devise-i18n (~> 1.1.0)
      devise_invitable (~> 1.7.0)
      foundation_rails_helper (~> 3.0.0.rc)
      jquery-rails (~> 4.2.2)
      rails (~> 5.0.0, >= 5.0.0.1)
      rectify (~> 0.8.0)
      sassc-rails (~> 1.3.0)
      turbolinks (~> 5.0.0, >= 5.0.0.1)
    decidim-api (0.0.1)
      graphiql-rails (~> 1.4.1)
      graphql (~> 1.4.0)
      rack-cors (~> 0.4.0)
      rails (~> 5.0.0, >= 5.0.0.1)
      sprockets-es6 (~> 0.9.2)
    decidim-comments (0.0.1)
      decidim-core (= 0.0.1)
      jquery-rails (~> 4.0)
      rails (~> 5.0.0, >= 5.0.0.1)
      turbolinks (~> 5.0.0, >= 5.0.0.1)
    decidim-core (0.0.1)
      active_link_to (~> 1.0.0)
      cancancan (~> 1.15.0)
      carrierwave (~> 1.0.0)
      date_validator (~> 0.9.0)
      decidim-api (= 0.0.1)
      devise (~> 4.2)
      devise-i18n (~> 1.1.0)
      file_validators (~> 2.1.0)
      foundation-rails (~> 6.3.0.0)
      foundation_rails_helper (~> 3.0.0.rc)
      high_voltage (~> 3.0.0)
      jquery-rails (~> 4.2.2)
      mini_magick (~> 4.6.0)
      pg (~> 0.19.0)
      rails (~> 5.0.0, >= 5.0.0.1)
      rectify (~> 0.8.0)
      redis (~> 3.3.0)
      roadie (~> 3.2.1)
      roadie-rails (~> 1.0)
      sassc-rails (~> 1.3.0)
      sprockets-es6 (~> 0.9.2)
      truncato (~> 0.7.9)
      turbolinks (~> 5.0.0, >= 5.0.0.1)
    decidim-meetings (0.0.1)
      date_validator (~> 0.9)
      decidim-core (= 0.0.1)
      kaminari (~> 1.0.0.rc1)
      rectify (~> 0.8)
      searchlight (~> 4.1.0)
    decidim-pages (0.0.1)
      decidim-comments (= 0.0.1)
      decidim-core (= 0.0.1)
      rectify (~> 0.8.0)
    decidim-proposals (0.0.1)
      decidim-comments (= 0.0.1)
      decidim-core (= 0.0.1)
      kaminari (~> 1.0.0.rc1)
      rectify (~> 0.8.0)
      social-share-button (~> 0.8.8)
    decidim-system (0.0.1)
      active_link_to (~> 1.0.0)
      decidim-core (= 0.0.1)
      devise (~> 4.2)
      devise-i18n (~> 1.1.0)
      devise_invitable (~> 1.7.0)
      foundation_rails_helper (~> 3.0.0.rc)
      jquery-rails (~> 4.2.2)
      rails (~> 5.0.0, >= 5.0.0.1)
      rectify (~> 0.8.0)
      sassc-rails (~> 1.3.0)
      turbolinks (~> 5.0.0, >= 5.0.0.1)

GEM
  remote: https://rubygems.org/
  specs:
    actioncable (5.0.1)
      actionpack (= 5.0.1)
      nio4r (~> 1.2)
      websocket-driver (~> 0.6.1)
    actionmailer (5.0.1)
      actionpack (= 5.0.1)
      actionview (= 5.0.1)
      activejob (= 5.0.1)
      mail (~> 2.5, >= 2.5.4)
      rails-dom-testing (~> 2.0)
    actionpack (5.0.1)
      actionview (= 5.0.1)
      activesupport (= 5.0.1)
      rack (~> 2.0)
      rack-test (~> 0.6.3)
      rails-dom-testing (~> 2.0)
      rails-html-sanitizer (~> 1.0, >= 1.0.2)
    actionview (5.0.1)
      activesupport (= 5.0.1)
      builder (~> 3.1)
      erubis (~> 2.7.0)
      rails-dom-testing (~> 2.0)
      rails-html-sanitizer (~> 1.0, >= 1.0.2)
    active_link_to (1.0.3)
      actionpack
    activejob (5.0.1)
      activesupport (= 5.0.1)
      globalid (>= 0.3.6)
    activemodel (5.0.1)
      activesupport (= 5.0.1)
    activerecord (5.0.1)
      activemodel (= 5.0.1)
      activesupport (= 5.0.1)
      arel (~> 7.0)
    activesupport (5.0.1)
      concurrent-ruby (~> 1.0, >= 1.0.2)
      i18n (~> 0.7)
      minitest (~> 5.1)
      tzinfo (~> 1.1)
    addressable (2.5.0)
      public_suffix (~> 2.0, >= 2.0.2)
    arel (7.1.4)
    axiom-types (0.1.1)
      descendants_tracker (~> 0.0.4)
      ice_nine (~> 0.11.0)
      thread_safe (~> 0.3, >= 0.3.1)
    babel-source (5.8.35)
    babel-transpiler (0.7.0)
      babel-source (>= 4.0, < 6)
      execjs (~> 2.0)
    bcrypt (3.1.11)
    builder (3.2.3)
    byebug (9.0.6)
    cancancan (1.15.0)
    carrierwave (1.0.0)
      activemodel (>= 4.0.0)
      activesupport (>= 4.0.0)
      mime-types (>= 1.16)
    coercible (1.0.0)
      descendants_tracker (~> 0.0.1)
    coffee-rails (4.2.1)
      coffee-script (>= 2.2.0)
      railties (>= 4.0.0, < 5.2.x)
    coffee-script (2.4.1)
      coffee-script-source
      execjs
    coffee-script-source (1.12.2)
    concurrent-ruby (1.0.4)
    css_parser (1.4.7)
      addressable
    date_validator (0.9.0)
      activemodel
      activesupport
    debug_inspector (0.0.2)
    descendants_tracker (0.0.4)
      thread_safe (~> 0.3, >= 0.3.1)
    devise (4.2.0)
      bcrypt (~> 3.0)
      orm_adapter (~> 0.1)
      railties (>= 4.1.0, < 5.1)
      responders
      warden (~> 1.2.3)
    devise-i18n (1.1.1)
    devise_invitable (1.7.0)
      actionmailer (>= 4.0.0)
      devise (>= 4.0.0)
    equalizer (0.0.11)
    erubis (2.7.0)
    excon (0.54.0)
    execjs (2.7.0)
    faker (1.6.6)
      i18n (~> 0.5)
    ffi (1.9.17)
    file_validators (2.1.0)
      activemodel (>= 3.0)
      mime-types (>= 1.0)
    fog-aws (1.1.0)
      fog-core (~> 1.38)
      fog-json (~> 1.0)
      fog-xml (~> 0.1)
      ipaddress (~> 0.8)
    fog-core (1.43.0)
      builder
      excon (~> 0.49)
      formatador (~> 0.2)
    fog-json (1.0.2)
      fog-core (~> 1.0)
      multi_json (~> 1.10)
    fog-xml (0.1.2)
      fog-core
      nokogiri (~> 1.5, >= 1.5.11)
    formatador (0.2.5)
    foundation-rails (6.3.0.0)
      railties (>= 3.1.0)
      sass (>= 3.3.0, < 3.5)
      sprockets-es6 (>= 0.9.0)
    foundation_rails_helper (3.0.0.rc2)
      actionpack (>= 4.1)
      activemodel (>= 4.1)
      activesupport (>= 4.1)
      railties (>= 4.1)
      tzinfo (~> 1.2, >= 1.2.2)
    globalid (0.3.7)
      activesupport (>= 4.1.0)
    graphiql-rails (1.4.1)
      rails
    graphql (1.4.0)
    high_voltage (3.0.0)
    htmlentities (4.3.4)
    i18n (0.7.0)
    ice_nine (0.11.2)
    ipaddress (0.8.3)
    jquery-rails (4.2.2)
      rails-dom-testing (>= 1, < 3)
      railties (>= 4.2.0)
      thor (>= 0.14, < 2.0)
    kaminari (1.0.0)
      activesupport (>= 4.1.0)
      kaminari-actionview (= 1.0.0)
      kaminari-activerecord (= 1.0.0)
      kaminari-core (= 1.0.0)
    kaminari-actionview (1.0.0)
      actionview
      kaminari-core (= 1.0.0)
    kaminari-activerecord (1.0.0)
      activerecord
      kaminari-core (= 1.0.0)
    kaminari-core (1.0.0)
    listen (3.0.8)
      rb-fsevent (~> 0.9, >= 0.9.4)
      rb-inotify (~> 0.9, >= 0.9.7)
    loofah (2.0.3)
      nokogiri (>= 1.5.9)
    mail (2.6.4)
      mime-types (>= 1.16, < 4)
    method_source (0.8.2)
    mime-types (3.1)
      mime-types-data (~> 3.2015)
    mime-types-data (3.2016.0521)
    mini_magick (4.6.0)
    mini_portile2 (2.1.0)
    minitest (5.10.1)
    multi_json (1.12.1)
    nio4r (1.2.1)
    nokogiri (1.7.0.1)
      mini_portile2 (~> 2.1.0)
    orm_adapter (0.5.0)
    pg (0.19.0)
    public_suffix (2.0.5)
    puma (3.6.2)
    rack (2.0.1)
    rack-cors (0.4.0)
    rack-test (0.6.3)
      rack (>= 1.0)
    rails (5.0.1)
      actioncable (= 5.0.1)
      actionmailer (= 5.0.1)
      actionpack (= 5.0.1)
      actionview (= 5.0.1)
      activejob (= 5.0.1)
      activemodel (= 5.0.1)
      activerecord (= 5.0.1)
      activesupport (= 5.0.1)
      bundler (>= 1.3.0, < 2.0)
      railties (= 5.0.1)
      sprockets-rails (>= 2.0.0)
    rails-dom-testing (2.0.2)
      activesupport (>= 4.2.0, < 6.0)
      nokogiri (~> 1.6)
    rails-html-sanitizer (1.0.3)
      loofah (~> 2.0)
    rails-i18n (5.0.2)
      i18n (~> 0.7)
      railties (~> 5.0)
    rails_12factor (0.0.3)
      rails_serve_static_assets
      rails_stdout_logging
    rails_serve_static_assets (0.0.5)
    rails_stdout_logging (0.0.5)
    railties (5.0.1)
      actionpack (= 5.0.1)
      activesupport (= 5.0.1)
      method_source
      rake (>= 0.8.7)
      thor (>= 0.18.1, < 2.0)
    rake (12.0.0)
    rb-fsevent (0.9.8)
    rb-inotify (0.9.7)
      ffi (>= 0.5.0)
    rectify (0.8.0)
      activemodel (>= 4.1.0)
      activerecord (>= 4.1.0)
      activesupport (>= 4.1.0)
      virtus (~> 1.0.5)
      wisper (>= 1.6.1)
    redis (3.3.2)
    responders (2.3.0)
      railties (>= 4.2.0, < 5.1)
    roadie (3.2.1)
      css_parser (~> 1.4.5)
      nokogiri (>= 1.5.0, < 1.8.0)
    roadie-rails (1.1.1)
      railties (>= 3.0, < 5.1)
      roadie (~> 3.1)
    sass (3.4.23)
    sassc (1.11.1)
      bundler
      ffi (~> 1.9.6)
      sass (>= 3.3.0)
    sassc-rails (1.3.0)
      railties (>= 4.0.0)
      sass
      sassc (~> 1.9)
      sprockets (> 2.11)
      sprockets-rails
      tilt
    searchlight (4.1.0)
    social-share-button (0.8.8)
      coffee-rails
    spring (2.0.0)
      activesupport (>= 4.2)
    spring-watcher-listen (2.0.1)
      listen (>= 2.7, < 4.0)
      spring (>= 1.2, < 3.0)
    sprockets (3.7.1)
      concurrent-ruby (~> 1.0)
      rack (> 1, < 3)
    sprockets-es6 (0.9.2)
      babel-source (>= 5.8.11)
      babel-transpiler
      sprockets (>= 3.0.0)
    sprockets-rails (3.2.0)
      actionpack (>= 4.0)
      activesupport (>= 4.0)
      sprockets (>= 3.0.0)
    thor (0.19.4)
    thread_safe (0.3.5)
    tilt (2.0.5)
    truncato (0.7.9)
      htmlentities (~> 4.3.1)
      nokogiri (~> 1.7.0)
    turbolinks (5.0.1)
      turbolinks-source (~> 5)
    turbolinks-source (5.0.0)
    tzinfo (1.2.2)
      thread_safe (~> 0.1)
    uglifier (3.0.4)
      execjs (>= 0.3.0, < 3)
    virtus (1.0.5)
      axiom-types (~> 0.1)
      coercible (~> 1.0)
      descendants_tracker (~> 0.0, >= 0.0.3)
      equalizer (~> 0.0, >= 0.0.9)
    warden (1.2.6)
      rack (>= 1.0)
    web-console (3.4.0)
      actionview (>= 5.0)
      activemodel (>= 5.0)
      debug_inspector
      railties (>= 5.0)
    websocket-driver (0.6.4)
      websocket-extensions (>= 0.1.0)
    websocket-extensions (0.1.2)
    wisper (1.6.1)

PLATFORMS
  ruby

DEPENDENCIES
  byebug
  decidim!
  faker (~> 1.6.6)
  fog-aws
  listen (~> 3.0.5)
  puma (~> 3.0)
  rails_12factor
  spring
  spring-watcher-listen (~> 2.0.0)
  tzinfo-data
  uglifier (>= 1.3.0)
  web-console

RUBY VERSION
   ruby 2.4.0p0

BUNDLED WITH
   1.13.7
